NUGET
  remote: https://www.nuget.org/api/v2
    DotLiquid (2.0.96) - restriction: || (>= net46) (>= netstandard16)
    Fable.Core (1.0.7)
      FSharp.Core (>= 4.1.17) - restriction: >= netstandard16
      NETStandard.Library (>= 1.6.1) - restriction: >= netstandard16
    Fable.Elmish (0.9.0-beta-008) - restriction: >= netstandard16
      Fable.Core (>= 1.0.0-narumi-915) - restriction: >= netstandard16
      Fable.PowerPack (>= 1.0.0-narumi-901) - restriction: >= netstandard16
      FSharp.Core (>= 4.1.17) - restriction: >= netstandard16
      NETStandard.Library (>= 1.6.1) - restriction: >= netstandard16
    Fable.Elmish.Browser (0.9.0-beta-6)
      Fable.Core (>= 1.0.4) - restriction: >= netstandard16
      Fable.Elmish (>= 0.9.0-beta-008) - restriction: >= netstandard16
      FSharp.Core (>= 4.1.17) - restriction: >= netstandard16
    Fable.Elmish.Debugger (0.9.0-beta-6)
      Fable.Core (>= 1.0.0-narumi-916) - restriction: >= netstandard16
      Fable.Elmish (>= 0.9.0-beta-008) - restriction: >= netstandard16
      FSharp.Core (>= 4.1.17) - restriction: >= netstandard16
    Fable.Elmish.React (0.9.0-beta-004)
      Fable.Core (>= 1.0.0-narumi-915) - restriction: >= netstandard16
      Fable.Elmish (>= 0.9.0-beta-008) - restriction: >= netstandard16
      Fable.PowerPack (>= 1.0.0-narumi-902) - restriction: >= netstandard16
      Fable.React (>= 1.0.0-narumi-902) - restriction: >= netstandard16
      FSharp.Core (>= 4.1.17) - restriction: >= netstandard16
    Fable.PowerPack (1.0.0-narumi-902) - restriction: >= netstandard16
      Fable.Core (>= 1.0.0-narumi-915) - restriction: >= netstandard16
      FSharp.Core (>= 4.1.17) - restriction: >= netstandard16
      NETStandard.Library (>= 1.6.1) - restriction: >= netstandard16
    Fable.React (1.0.0-narumi-902) - restriction: >= netstandard16
      Fable.Core (>= 1.0.0-narumi-912) - restriction: >= netstandard16
      FSharp.Core (>= 4.1.17) - restriction: >= netstandard16
      NETStandard.Library (>= 1.6.1) - restriction: >= netstandard16
    FSharp.Core (4.2)
      System.Collections (>= 4.0.11) - restriction: >= netstandard16
      System.Console (>= 4.0) - restriction: >= netstandard16
      System.Diagnostics.Debug (>= 4.0.11) - restriction: >= netstandard16
      System.Diagnostics.Tools (>= 4.0.1) - restriction: >= netstandard16
      System.Globalization (>= 4.0.11) - restriction: >= netstandard16
      System.IO (>= 4.1) - restriction: >= netstandard16
      System.Linq (>= 4.1) - restriction: >= netstandard16
      System.Linq.Expressions (>= 4.1) - restriction: >= netstandard16
      System.Linq.Queryable (>= 4.0.1) - restriction: >= netstandard16
      System.Net.Requests (>= 4.0.11) - restriction: >= netstandard16
      System.Reflection (>= 4.1) - restriction: >= netstandard16
      System.Reflection.Extensions (>= 4.0.1) - restriction: >= netstandard16
      System.Resources.ResourceManager (>= 4.0.1) - restriction: >= netstandard16
      System.Runtime (>= 4.1) - restriction: >= netstandard16
      System.Runtime.Extensions (>= 4.1) - restriction: >= netstandard16
      System.Runtime.Numerics (>= 4.0.1) - restriction: >= netstandard16
      System.Text.RegularExpressions (>= 4.1) - restriction: >= netstandard16
      System.Threading (>= 4.0.11) - restriction: >= netstandard16
      System.Threading.Tasks (>= 4.0.11) - restriction: >= netstandard16
      System.Threading.Tasks.Parallel (>= 4.0.1) - restriction: >= netstandard16
      System.Threading.Thread (>= 4.0) - restriction: >= netstandard16
      System.Threading.ThreadPool (>= 4.0.10) - restriction: >= netstandard16
      System.Threading.Timer (>= 4.0.1) - restriction: >= netstandard16
    Giraffe (0.1.0-alpha019)
      DotLiquid (>= 2.0.96) - restriction: || (>= net46) (>= netstandard16)
      FSharp.Core (>= 4.1.17) - restriction: || (>= net46) (>= netstandard16)
      Microsoft.AspNetCore.Diagnostics (>= 1.1.2) - restriction: || (>= net46) (>= netstandard16)
      Microsoft.AspNetCore.Hosting.Abstractions (>= 1.1.2) - restriction: || (>= net46) (>= netstandard16)
      Microsoft.AspNetCore.Mvc (>= 1.1.3) - restriction: || (>= net46) (>= netstandard16)
      NETStandard.Library (>= 1.6.1) - restriction: && (< net46) (>= netstandard16)
      Newtonsoft.Json (>= 10.0.2) - restriction: || (>= net46) (>= netstandard16)
      System.Text.RegularExpressions (>= 4.3) - restriction: || (>= net46) (>= netstandard16)
      System.Xml.XmlSerializer (>= 4.3) - restriction: || (>= net46) (>= netstandard16)
    IdentityModel (2.9.1) - restriction: || (>= net452) (>= netstandard14)
      NETStandard.Library (>= 1.6.1) - restriction: && (< net452) (>= netstandard14)
      Newtonsoft.Json (>= 9.0.1) - restriction: || (>= net452) (>= netstandard14)
      System.Net.Http (>= 4.3.2) - restriction: || (>= net452) (>= netstandard14)
      System.Security.Claims (>= 4.3) - restriction: && (< net452) (>= netstandard14)
      System.Security.Cryptography.Algorithms (>= 4.3) - restriction: && (< net452) (>= netstandard14)
      System.Security.Cryptography.X509Certificates (>= 4.3) - restriction: && (< net452) (>= netstandard14)
      System.ValueTuple (>= 4.3.1) - restriction: || (>= net452) (>= netstandard14)
    IdentityServer4 (1.5.2)
      IdentityModel (>= 2.8.1) - restriction: || (>= net452) (>= netstandard14)
      Microsoft.AspNetCore.Authentication.Cookies (>= 1.1.2) - restriction: || (>= net452) (>= netstandard14)
      Microsoft.AspNetCore.Cors (>= 1.1.2) - restriction: || (>= net452) (>= netstandard14)
      Microsoft.AspNetCore.Http.Abstractions (>= 1.1.2) - restriction: || (>= net452) (>= netstandard14)
      Microsoft.Extensions.Caching.Abstractions (>= 1.1.2) - restriction: || (>= net452) (>= netstandard14)
      Microsoft.Extensions.Caching.Memory (>= 1.1.2) - restriction: || (>= net452) (>= netstandard14)
      Microsoft.Extensions.DependencyInjection.Abstractions (>= 1.1.1) - restriction: || (>= net452) (>= netstandard14)
      Microsoft.Extensions.Options.ConfigurationExtensions (>= 1.1.2) - restriction: || (>= net452) (>= netstandard14)
      NETStandard.Library (>= 1.6.1) - restriction: && (< net452) (>= netstandard14)
      System.Collections.Specialized (>= 4.3) - restriction: && (< net452) (>= netstandard14)
      System.Diagnostics.Process (>= 4.3) - restriction: && (< net452) (>= netstandard14)
      System.IdentityModel.Tokens.Jwt (>= 5.1.3) - restriction: || (>= net452) (>= netstandard14)
    Libuv (1.9.2) - restriction: || (>= net451) (>= netstandard13)
      Microsoft.NETCore.Platforms (>= 1.0.1) - restriction: >= netstandard10
    Microsoft.AspNetCore.Antiforgery (1.1.2) - restriction: || (>= net46) (>= netstandard16)
      Microsoft.AspNetCore.DataProtection (>= 1.1.2) - restriction: || (>= net451) (>= netstandard13)
      Microsoft.AspNetCore.Http.Abstractions (>= 1.1.2) - restriction: || (>= net451) (>= netstandard13)
      Microsoft.AspNetCore.Http.Extensions (>= 1.1.2) - restriction: || (>= net451) (>= netstandard13)
      Microsoft.AspNetCore.WebUtilities (>= 1.1.2) - restriction: || (>= net451) (>= netstandard13)
      Microsoft.Extensions.ObjectPool (>= 1.1.1) - restriction: || (>= net451) (>= netstandard13)
      NETStandard.Library (>= 1.6.1) - restriction: || (>= net451) (>= netstandard13)
    Microsoft.AspNetCore.Authentication (1.1.2) - restriction: || (>= net452) (>= netstandard14)
      Microsoft.AspNetCore.DataProtection (>= 1.1.2) - restriction: || (>= net451) (>= netstandard13)
      Microsoft.AspNetCore.Http (>= 1.1.2) - restriction: || (>= net451) (>= netstandard13)
      Microsoft.AspNetCore.Http.Extensions (>= 1.1.2) - restriction: || (>= net451) (>= netstandard13)
      Microsoft.Extensions.Logging.Abstractions (>= 1.1.2) - restriction: || (>= net451) (>= netstandard13)
      Microsoft.Extensions.Options (>= 1.1.2) - restriction: || (>= net451) (>= netstandard13)
      Microsoft.Extensions.WebEncoders (>= 1.1.2) - restriction: || (>= net451) (>= netstandard13)
      NETStandard.Library (>= 1.6.1) - restriction: || (>= net451) (>= netstandard13)
    Microsoft.AspNetCore.Authentication.Cookies (1.1.2) - restriction: || (>= net452) (>= netstandard14)
      Microsoft.AspNetCore.Authentication (>= 1.1.2) - restriction: || (>= net451) (>= netstandard13)
      Microsoft.Extensions.Options (>= 1.1.2) - restriction: || (>= net451) (>= netstandard13)
      Microsoft.Extensions.WebEncoders (>= 1.1.2) - restriction: || (>= net451) (>= netstandard13)
      NETStandard.Library (>= 1.6.1) - restriction: || (>= net451) (>= netstandard13)
    Microsoft.AspNetCore.Authorization (1.1.2) - restriction: || (>= net46) (>= netstandard16)
      Microsoft.Extensions.Logging.Abstractions (>= 1.1.2) - restriction: || (>= net451) (>= netstandard13)
      Microsoft.Extensions.Options (>= 1.1.2) - restriction: || (>= net451) (>= netstandard13)
      NETStandard.Library (>= 1.6.1) - restriction: || (>= net451) (>= netstandard13)
      System.Security.Claims (>= 4.3) - restriction: && (< net451) (>= netstandard13)
    Microsoft.AspNetCore.Cors (1.1.2) - restriction: || (>= net452) (>= netstandard14)
      Microsoft.AspNetCore.Http.Extensions (>= 1.1.2) - restriction: || (>= net451) (>= netstandard13)
      Microsoft.Extensions.Configuration.Abstractions (>= 1.1.2) - restriction: || (>= net451) (>= netstandard13)
      Microsoft.Extensions.DependencyInjection.Abstractions (>= 1.1.1) - restriction: || (>= net451) (>= netstandard13)
      Microsoft.Extensions.Options (>= 1.1.2) - restriction: || (>= net451) (>= netstandard13)
      NETStandard.Library (>= 1.6.1) - restriction: || (>= net451) (>= netstandard13)
    Microsoft.AspNetCore.Cryptography.Internal (1.1.2) - restriction: || (>= net452) (>= netstandard14)
      NETStandard.Library (>= 1.6.1) - restriction: || (>= net451) (>= netstandard13)
    Microsoft.AspNetCore.DataProtection (1.1.2) - restriction: || (>= net452) (>= netstandard14)
      Microsoft.AspNetCore.Cryptography.Internal (>= 1.1.2) - restriction: || (>= net451) (>= netstandard13)
      Microsoft.AspNetCore.DataProtection.Abstractions (>= 1.1.2) - restriction: || (>= net451) (>= netstandard13)
      Microsoft.AspNetCore.Hosting.Abstractions (>= 1.1.2) - restriction: || (>= net451) (>= netstandard13)
      Microsoft.Extensions.DependencyInjection.Abstractions (>= 1.1.1) - restriction: || (>= net451) (>= netstandard13)
      Microsoft.Extensions.Logging.Abstractions (>= 1.1.2) - restriction: || (>= net451) (>= netstandard13)
      Microsoft.Extensions.Options (>= 1.1.2) - restriction: || (>= net451) (>= netstandard13)
      Microsoft.Win32.Registry (>= 4.3) - restriction: && (< net451) (>= netstandard13)
      NETStandard.Library (>= 1.6.1) - restriction: || (>= net451) (>= netstandard13)
      System.Security.Claims (>= 4.3) - restriction: && (< net451) (>= netstandard13)
      System.Security.Principal.Windows (>= 4.3) - restriction: && (< net451) (>= netstandard13)
    Microsoft.AspNetCore.DataProtection.Abstractions (1.1.2) - restriction: || (>= net452) (>= netstandard14)
      NETStandard.Library (>= 1.6.1) - restriction: || (>= net451) (>= netstandard13)
      System.ComponentModel (>= 4.3) - restriction: && (< net451) (>= netstandard13)
    Microsoft.AspNetCore.Diagnostics (1.1.2) - restriction: || (>= net46) (>= netstandard16)
      Microsoft.AspNetCore.Diagnostics.Abstractions (>= 1.1.2) - restriction: || (>= net451) (>= netstandard13)
      Microsoft.AspNetCore.Hosting.Abstractions (>= 1.1.2) - restriction: || (>= net451) (>= netstandard13)
      Microsoft.AspNetCore.Http.Extensions (>= 1.1.2) - restriction: || (>= net451) (>= netstandard13)
      Microsoft.AspNetCore.WebUtilities (>= 1.1.2) - restriction: || (>= net451) (>= netstandard13)
      Microsoft.Extensions.FileProviders.Physical (>= 1.1.1) - restriction: || (>= net451) (>= netstandard13)
      Microsoft.Extensions.Logging.Abstractions (>= 1.1.2) - restriction: || (>= net451) (>= netstandard13)
      Microsoft.Extensions.Options (>= 1.1.2) - restriction: || (>= net451) (>= netstandard13)
      NETStandard.Library (>= 1.6.1) - restriction: || (>= net451) (>= netstandard13)
      System.Diagnostics.DiagnosticSource (>= 4.3) - restriction: || (>= net451) (>= netstandard13)
      System.Diagnostics.StackTrace (>= 4.3) - restriction: && (< net451) (>= netstandard13)
      System.Reflection.Metadata (>= 1.4.1) - restriction: || (>= net451) (>= netstandard13)
    Microsoft.AspNetCore.Diagnostics.Abstractions (1.1.2) - restriction: || (>= net46) (>= netstandard16)
      NETStandard.Library (>= 1.6.1) - restriction: >= netstandard10
    Microsoft.AspNetCore.Hosting (1.1.2)
      Microsoft.AspNetCore.Hosting.Abstractions (>= 1.1.2) - restriction: || (>= net451) (>= netstandard13)
      Microsoft.AspNetCore.Hosting.Server.Abstractions (>= 1.1.2) - restriction: || (>= net451) (>= netstandard13)
      Microsoft.AspNetCore.Http (>= 1.1.2) - restriction: || (>= net451) (>= netstandard13)
      Microsoft.AspNetCore.Http.Extensions (>= 1.1.2) - restriction: || (>= net451) (>= netstandard13)
      Microsoft.Extensions.Configuration (>= 1.1.2) - restriction: || (>= net451) (>= netstandard13)
      Microsoft.Extensions.Configuration.EnvironmentVariables (>= 1.1.2) - restriction: || (>= net451) (>= netstandard13)
      Microsoft.Extensions.DependencyInjection (>= 1.1.1) - restriction: || (>= net451) (>= netstandard13)
      Microsoft.Extensions.FileProviders.Physical (>= 1.1.1) - restriction: || (>= net451) (>= netstandard13)
      Microsoft.Extensions.Logging (>= 1.1.2) - restriction: || (>= net451) (>= netstandard13)
      Microsoft.Extensions.Options (>= 1.1.2) - restriction: || (>= net451) (>= netstandard13)
      Microsoft.Extensions.PlatformAbstractions (>= 1.1) - restriction: || (>= net451) (>= netstandard13)
      NETStandard.Library (>= 1.6.1) - restriction: || (>= net451) (>= netstandard13)
      System.Diagnostics.DiagnosticSource (>= 4.3.1) - restriction: || (>= net451) (>= netstandard13)
      System.Diagnostics.StackTrace (>= 4.3) - restriction: || (&& (< net451) (>= netstandard13) (< netstandard15)) (&& (< net451) (>= netstandard15))
      System.Reflection.Metadata (>= 1.4.1) - restriction: || (>= net451) (>= netstandard13)
      System.Runtime.Loader (>= 4.3) - restriction: && (< net451) (>= netstandard15)
    Microsoft.AspNetCore.Hosting.Abstractions (1.1.2) - restriction: || (>= net451) (>= netstandard13)
      Microsoft.AspNetCore.Hosting.Server.Abstractions (>= 1.1.2) - restriction: || (>= net451) (>= netstandard13)
      Microsoft.AspNetCore.Http.Abstractions (>= 1.1.2) - restriction: || (>= net451) (>= netstandard13)
      Microsoft.Extensions.Configuration.Abstractions (>= 1.1.2) - restriction: || (>= net451) (>= netstandard13)
      Microsoft.Extensions.DependencyInjection.Abstractions (>= 1.1.1) - restriction: || (>= net451) (>= netstandard13)
      Microsoft.Extensions.FileProviders.Abstractions (>= 1.1.1) - restriction: || (>= net451) (>= netstandard13)
      Microsoft.Extensions.Logging.Abstractions (>= 1.1.2) - restriction: || (>= net451) (>= netstandard13)
      NETStandard.Library (>= 1.6.1) - restriction: || (>= net451) (>= netstandard13)
    Microsoft.AspNetCore.Hosting.Server.Abstractions (1.1.2) - restriction: || (>= net451) (>= netstandard13)
      Microsoft.AspNetCore.Http.Features (>= 1.1.2) - restriction: || (>= net451) (>= netstandard13)
      Microsoft.Extensions.Configuration.Abstractions (>= 1.1.2) - restriction: || (>= net451) (>= netstandard13)
      NETStandard.Library (>= 1.6.1) - restriction: || (>= net451) (>= netstandard13)
    Microsoft.AspNetCore.Html.Abstractions (1.1.2) - restriction: || (>= net46) (>= netstandard16)
      NETStandard.Library (>= 1.6.1) - restriction: >= netstandard10
      System.Text.Encodings.Web (>= 4.3.1) - restriction: >= netstandard10
    Microsoft.AspNetCore.Http (1.1.2) - restriction: || (>= net451) (>= netstandard13)
      Microsoft.AspNetCore.Http.Abstractions (>= 1.1.2) - restriction: || (>= net451) (>= netstandard13)
      Microsoft.AspNetCore.WebUtilities (>= 1.1.2) - restriction: || (>= net451) (>= netstandard13)
      Microsoft.Extensions.ObjectPool (>= 1.1.1) - restriction: || (>= net451) (>= netstandard13)
      Microsoft.Extensions.Options (>= 1.1.2) - restriction: || (>= net451) (>= netstandard13)
      Microsoft.Net.Http.Headers (>= 1.1.2) - restriction: || (>= net451) (>= netstandard13)
      NETStandard.Library (>= 1.6.1) - restriction: || (>= net451) (>= netstandard13)
      System.Buffers (>= 4.3) - restriction: || (>= net451) (>= netstandard13)
    Microsoft.AspNetCore.Http.Abstractions (1.1.2) - restriction: || (>= net451) (>= netstandard13)
      Microsoft.AspNetCore.Http.Features (>= 1.1.2) - restriction: || (>= net451) (>= netstandard13)
      Microsoft.Extensions.Primitives (>= 1.1.1) - restriction: || (>= net451) (>= netstandard13)
      NETStandard.Library (>= 1.6.1) - restriction: || (>= net451) (>= netstandard13)
      System.Globalization.Extensions (>= 4.3) - restriction: && (< net451) (>= netstandard13)
      System.Reflection.TypeExtensions (>= 4.3) - restriction: && (< net451) (>= netstandard13)
      System.Text.Encodings.Web (>= 4.3.1) - restriction: || (>= net451) (>= netstandard13)
    Microsoft.AspNetCore.Http.Extensions (1.1.2) - restriction: || (>= net451) (>= netstandard13)
      Microsoft.AspNetCore.Http.Abstractions (>= 1.1.2) - restriction: || (>= net451) (>= netstandard13)
      Microsoft.Extensions.FileProviders.Abstractions (>= 1.1.1) - restriction: || (>= net451) (>= netstandard13)
      Microsoft.Net.Http.Headers (>= 1.1.2) - restriction: || (>= net451) (>= netstandard13)
      NETStandard.Library (>= 1.6.1) - restriction: || (>= net451) (>= netstandard13)
      System.Buffers (>= 4.3) - restriction: || (>= net451) (>= netstandard13)
    Microsoft.AspNetCore.Http.Features (1.1.2) - restriction: || (>= net451) (>= netstandard13)
      Microsoft.Extensions.Primitives (>= 1.1.1) - restriction: || (>= net451) (>= netstandard13)
      NETStandard.Library (>= 1.6.1) - restriction: || (>= net451) (>= netstandard13)
      System.ComponentModel (>= 4.3) - restriction: && (< net451) (>= netstandard13)
      System.Net.WebSockets (>= 4.3) - restriction: && (< net451) (>= netstandard13)
      System.Security.Claims (>= 4.3) - restriction: && (< net451) (>= netstandard13)
      System.Security.Principal (>= 4.3) - restriction: && (< net451) (>= netstandard13)
    Microsoft.AspNetCore.JsonPatch (1.1.2) - restriction: || (>= net46) (>= netstandard16)
      Microsoft.CSharp (>= 4.3) - restriction: && (< net451) (>= netstandard13)
      NETStandard.Library (>= 1.6.1) - restriction: || (>= net451) (>= netstandard13)
      Newtonsoft.Json (>= 9.0.1) - restriction: || (>= net451) (>= netstandard13)
      System.Reflection.TypeExtensions (>= 4.3) - restriction: && (< net451) (>= netstandard13)
    Microsoft.AspNetCore.Localization (1.1.2) - restriction: || (>= net46) (>= netstandard16)
      Microsoft.AspNetCore.Http.Extensions (>= 1.1.2) - restriction: || (>= net451) (>= netstandard13)
      Microsoft.Extensions.Globalization.CultureInfoCache (>= 1.1.2) - restriction: || (>= net451) (>= netstandard13)
      Microsoft.Extensions.Localization.Abstractions (>= 1.1.2) - restriction: || (>= net451) (>= netstandard13)
      Microsoft.Extensions.Options (>= 1.1.2) - restriction: || (>= net451) (>= netstandard13)
      NETStandard.Library (>= 1.6.1) - restriction: || (>= net451) (>= netstandard13)
    Microsoft.AspNetCore.Mvc (1.1.3) - restriction: || (>= net46) (>= netstandard16)
      Microsoft.AspNetCore.Mvc.ApiExplorer (>= 1.1.3) - restriction: || (>= net451) (>= netstandard16)
      Microsoft.AspNetCore.Mvc.Cors (>= 1.1.3) - restriction: || (>= net451) (>= netstandard16)
      Microsoft.AspNetCore.Mvc.DataAnnotations (>= 1.1.3) - restriction: || (>= net451) (>= netstandard16)
      Microsoft.AspNetCore.Mvc.Formatters.Json (>= 1.1.3) - restriction: || (>= net451) (>= netstandard16)
      Microsoft.AspNetCore.Mvc.Localization (>= 1.1.3) - restriction: || (>= net451) (>= netstandard16)
      Microsoft.AspNetCore.Mvc.Razor (>= 1.1.3) - restriction: || (>= net451) (>= netstandard16)
      Microsoft.AspNetCore.Mvc.TagHelpers (>= 1.1.3) - restriction: || (>= net451) (>= netstandard16)
      Microsoft.AspNetCore.Mvc.ViewFeatures (>= 1.1.3) - restriction: || (>= net451) (>= netstandard16)
      Microsoft.Extensions.Caching.Memory (>= 1.1.2) - restriction: || (>= net451) (>= netstandard16)
      Microsoft.Extensions.DependencyInjection (>= 1.1.1) - restriction: || (>= net451) (>= netstandard16)
      NETStandard.Library (>= 1.6.1) - restriction: || (>= net451) (>= netstandard16)
    Microsoft.AspNetCore.Mvc.Abstractions (1.1.3) - restriction: || (>= net46) (>= netstandard16)
      Microsoft.AspNetCore.Routing.Abstractions (>= 1.1.2) - restriction: || (>= net451) (>= netstandard13)
      Microsoft.CSharp (>= 4.3) - restriction: && (< net451) (>= netstandard13)
      Microsoft.Net.Http.Headers (>= 1.1.2) - restriction: || (>= net451) (>= netstandard13)
      NETStandard.Library (>= 1.6.1) - restriction: || (>= net451) (>= netstandard13)
      System.ComponentModel.TypeConverter (>= 4.3) - restriction: && (< net451) (>= netstandard13)
    Microsoft.AspNetCore.Mvc.ApiExplorer (1.1.3) - restriction: || (>= net46) (>= netstandard16)
      Microsoft.AspNetCore.Mvc.Core (>= 1.1.3) - restriction: || (>= net451) (>= netstandard16)
      NETStandard.Library (>= 1.6.1) - restriction: || (>= net451) (>= netstandard16)
    Microsoft.AspNetCore.Mvc.Core (1.1.3) - restriction: || (>= net46) (>= netstandard16)
      Microsoft.AspNetCore.Authorization (>= 1.1.2) - restriction: || (>= net451) (>= netstandard16)
      Microsoft.AspNetCore.Hosting.Abstractions (>= 1.1.2) - restriction: || (>= net451) (>= netstandard16)
      Microsoft.AspNetCore.Http (>= 1.1.2) - restriction: || (>= net451) (>= netstandard16)
      Microsoft.AspNetCore.Mvc.Abstractions (>= 1.1.3) - restriction: || (>= net451) (>= netstandard16)
      Microsoft.AspNetCore.ResponseCaching.Abstractions (>= 1.1.2) - restriction: || (>= net451) (>= netstandard16)
      Microsoft.AspNetCore.Routing (>= 1.1.2) - restriction: || (>= net451) (>= netstandard16)
      Microsoft.Extensions.DependencyModel (>= 1.1.2) - restriction: || (>= net451) (>= netstandard16)
      Microsoft.Extensions.FileProviders.Abstractions (>= 1.1.1) - restriction: || (>= net451) (>= netstandard16)
      Microsoft.Extensions.Logging.Abstractions (>= 1.1.2) - restriction: || (>= net451) (>= netstandard16)
      Microsoft.Extensions.PlatformAbstractions (>= 1.1) - restriction: || (>= net451) (>= netstandard16)
      NETStandard.Library (>= 1.6.1) - restriction: || (>= net451) (>= netstandard16)
      System.Buffers (>= 4.3) - restriction: || (>= net451) (>= netstandard16)
      System.Diagnostics.DiagnosticSource (>= 4.3.1) - restriction: || (>= net451) (>= netstandard16)
    Microsoft.AspNetCore.Mvc.Cors (1.1.3) - restriction: || (>= net46) (>= netstandard16)
      Microsoft.AspNetCore.Cors (>= 1.1.2) - restriction: || (>= net451) (>= netstandard16)
      Microsoft.AspNetCore.Mvc.Core (>= 1.1.3) - restriction: || (>= net451) (>= netstandard16)
      NETStandard.Library (>= 1.6.1) - restriction: || (>= net451) (>= netstandard16)
    Microsoft.AspNetCore.Mvc.DataAnnotations (1.1.3) - restriction: || (>= net46) (>= netstandard16)
      Microsoft.AspNetCore.Mvc.Core (>= 1.1.3) - restriction: || (>= net451) (>= netstandard16)
      Microsoft.Extensions.Localization (>= 1.1.2) - restriction: || (>= net451) (>= netstandard16)
      NETStandard.Library (>= 1.6.1) - restriction: || (>= net451) (>= netstandard16)
      System.ComponentModel.Annotations (>= 4.3) - restriction: && (< net451) (>= netstandard16)
    Microsoft.AspNetCore.Mvc.Formatters.Json (1.1.3) - restriction: || (>= net46) (>= netstandard16)
      Microsoft.AspNetCore.JsonPatch (>= 1.1.2) - restriction: || (>= net451) (>= netstandard16)
      Microsoft.AspNetCore.Mvc.Core (>= 1.1.3) - restriction: || (>= net451) (>= netstandard16)
      NETStandard.Library (>= 1.6.1) - restriction: || (>= net451) (>= netstandard16)
    Microsoft.AspNetCore.Mvc.Localization (1.1.3) - restriction: || (>= net46) (>= netstandard16)
      Microsoft.AspNetCore.Localization (>= 1.1.2) - restriction: || (>= net451) (>= netstandard16)
      Microsoft.AspNetCore.Mvc.Razor (>= 1.1.3) - restriction: || (>= net451) (>= netstandard16)
      Microsoft.Extensions.DependencyInjection (>= 1.1.1) - restriction: || (>= net451) (>= netstandard16)
      Microsoft.Extensions.Localization (>= 1.1.2) - restriction: || (>= net451) (>= netstandard16)
      NETStandard.Library (>= 1.6.1) - restriction: || (>= net451) (>= netstandard16)
    Microsoft.AspNetCore.Mvc.Razor (1.1.3) - restriction: || (>= net46) (>= netstandard16)
      Microsoft.AspNetCore.Mvc.Razor.Host (>= 1.1.3) - restriction: || (>= net451) (>= netstandard16)
      Microsoft.AspNetCore.Mvc.ViewFeatures (>= 1.1.3) - restriction: || (>= net451) (>= netstandard16)
      Microsoft.CodeAnalysis.CSharp (>= 1.3) - restriction: || (>= net451) (>= netstandard16)
      Microsoft.Extensions.FileProviders.Composite (>= 1.1.1) - restriction: || (>= net451) (>= netstandard16)
      NETStandard.Library (>= 1.6.1) - restriction: || (>= net451) (>= netstandard16)
      System.Runtime.Loader (>= 4.3) - restriction: && (< net451) (>= netstandard16)
    Microsoft.AspNetCore.Mvc.Razor.Host (1.1.3) - restriction: || (>= net46) (>= netstandard16)
      Microsoft.AspNetCore.Razor.Runtime (>= 1.1.2) - restriction: || (>= net451) (>= netstandard16)
      Microsoft.Extensions.Caching.Memory (>= 1.1.2) - restriction: || (>= net451) (>= netstandard16)
      Microsoft.Extensions.FileProviders.Physical (>= 1.1.1) - restriction: || (>= net451) (>= netstandard16)
      NETStandard.Library (>= 1.6.1) - restriction: || (>= net451) (>= netstandard16)
      System.ComponentModel.TypeConverter (>= 4.3) - restriction: && (< net451) (>= netstandard16)
    Microsoft.AspNetCore.Mvc.TagHelpers (1.1.3) - restriction: || (>= net46) (>= netstandard16)
      Microsoft.AspNetCore.Mvc.Razor (>= 1.1.3) - restriction: || (>= net451) (>= netstandard16)
      Microsoft.AspNetCore.Routing.Abstractions (>= 1.1.2) - restriction: || (>= net451) (>= netstandard16)
      Microsoft.Extensions.Caching.Memory (>= 1.1.2) - restriction: || (>= net451) (>= netstandard16)
      Microsoft.Extensions.FileSystemGlobbing (>= 1.1.1) - restriction: || (>= net451) (>= netstandard16)
      Microsoft.Extensions.Primitives (>= 1.1.1) - restriction: || (>= net451) (>= netstandard16)
      NETStandard.Library (>= 1.6.1) - restriction: || (>= net451) (>= netstandard16)
    Microsoft.AspNetCore.Mvc.ViewFeatures (1.1.3) - restriction: || (>= net46) (>= netstandard16)
      Microsoft.AspNetCore.Antiforgery (>= 1.1.2) - restriction: || (>= net451) (>= netstandard16)
      Microsoft.AspNetCore.Diagnostics.Abstractions (>= 1.1.2) - restriction: || (>= net451) (>= netstandard16)
      Microsoft.AspNetCore.Html.Abstractions (>= 1.1.2) - restriction: || (>= net451) (>= netstandard16)
      Microsoft.AspNetCore.Mvc.Core (>= 1.1.3) - restriction: || (>= net451) (>= netstandard16)
      Microsoft.AspNetCore.Mvc.DataAnnotations (>= 1.1.3) - restriction: || (>= net451) (>= netstandard16)
      Microsoft.AspNetCore.Mvc.Formatters.Json (>= 1.1.3) - restriction: || (>= net451) (>= netstandard16)
      Microsoft.Extensions.WebEncoders (>= 1.1.2) - restriction: || (>= net451) (>= netstandard16)
      NETStandard.Library (>= 1.6.1) - restriction: || (>= net451) (>= netstandard16)
      Newtonsoft.Json (>= 9.0.1) - restriction: || (>= net451) (>= netstandard16)
      System.Buffers (>= 4.3) - restriction: || (>= net451) (>= netstandard16)
      System.Runtime.Serialization.Primitives (>= 4.3) - restriction: && (< net451) (>= netstandard16)
    Microsoft.AspNetCore.Razor (1.1.2) - restriction: || (>= net46) (>= netstandard16)
      NETStandard.Library (>= 1.6.1) - restriction: || (>= net451) (>= netstandard13)
      System.Threading.Thread (>= 4.3) - restriction: && (< net451) (>= netstandard13)
    Microsoft.AspNetCore.Razor.Runtime (1.1.2) - restriction: || (>= net46) (>= netstandard16)
      Microsoft.AspNetCore.Html.Abstractions (>= 1.1.2) - restriction: || (>= net451) (>= netstandard15)
      Microsoft.AspNetCore.Razor (>= 1.1.2) - restriction: || (>= net451) (>= netstandard15)
      NETStandard.Library (>= 1.6.1) - restriction: || (>= net451) (>= netstandard15)
      System.Reflection.TypeExtensions (>= 4.3) - restriction: && (< net451) (>= netstandard15)
    Microsoft.AspNetCore.ResponseCaching.Abstractions (1.1.2) - restriction: || (>= net46) (>= netstandard16)
      Microsoft.Extensions.Primitives (>= 1.1.1) - restriction: || (>= net451) (>= netstandard13)
      NETStandard.Library (>= 1.6.1) - restriction: && (< net451) (>= netstandard13)
    Microsoft.AspNetCore.Routing (1.1.2) - restriction: || (>= net46) (>= netstandard16)
      Microsoft.AspNetCore.Http.Extensions (>= 1.1.2) - restriction: || (>= net451) (>= netstandard13)
      Microsoft.AspNetCore.Routing.Abstractions (>= 1.1.2) - restriction: || (>= net451) (>= netstandard13)
      Microsoft.Extensions.Logging.Abstractions (>= 1.1.2) - restriction: || (>= net451) (>= netstandard13)
      Microsoft.Extensions.ObjectPool (>= 1.1.1) - restriction: || (>= net451) (>= netstandard13)
      Microsoft.Extensions.Options (>= 1.1.2) - restriction: || (>= net451) (>= netstandard13)
      NETStandard.Library (>= 1.6.1) - restriction: || (>= net451) (>= netstandard13)
    Microsoft.AspNetCore.Routing.Abstractions (1.1.2) - restriction: || (>= net46) (>= netstandard16)
      Microsoft.AspNetCore.Http.Abstractions (>= 1.1.2) - restriction: || (>= net451) (>= netstandard13)
      NETStandard.Library (>= 1.6.1) - restriction: || (>= net451) (>= netstandard13)
    Microsoft.AspNetCore.Server.Kestrel (1.1.2)
      Libuv (>= 1.9.1) - restriction: || (>= net451) (>= netstandard13)
      Microsoft.AspNetCore.Hosting (>= 1.1.2) - restriction: || (>= net451) (>= netstandard13)
      Microsoft.Extensions.Logging.Abstractions (>= 1.1.2) - restriction: || (>= net451) (>= netstandard13)
      NETStandard.Library (>= 1.6.1) - restriction: || (>= net451) (>= netstandard13)
      System.Buffers (>= 4.3) - restriction: || (>= net451) (>= netstandard13)
      System.Numerics.Vectors (>= 4.3) - restriction: || (>= net451) (>= netstandard13)
      System.Threading.Tasks.Extensions (>= 4.3) - restriction: || (>= net451) (>= netstandard13)
      System.Threading.Thread (>= 4.3) - restriction: && (< net451) (>= netstandard13)
      System.Threading.ThreadPool (>= 4.3) - restriction: && (< net451) (>= netstandard13)
    Microsoft.AspNetCore.WebUtilities (1.1.2) - restriction: || (>= net451) (>= netstandard13)
      Microsoft.Extensions.Primitives (>= 1.1.1) - restriction: || (>= net451) (>= netstandard13)
      Microsoft.Net.Http.Headers (>= 1.1.2) - restriction: || (>= net451) (>= netstandard13)
      NETStandard.Library (>= 1.6.1) - restriction: || (>= net451) (>= netstandard13)
      System.Buffers (>= 4.3) - restriction: || (>= net451) (>= netstandard13)
      System.Text.Encodings.Web (>= 4.3.1) - restriction: || (>= net451) (>= netstandard13)
    Microsoft.CodeAnalysis.Analyzers (1.1) - restriction: || (>= net46) (>= netstandard16)
    Microsoft.CodeAnalysis.Common (2.2) - restriction: || (>= net46) (>= netstandard16)
      Microsoft.CodeAnalysis.Analyzers (>= 1.1) - restriction: >= netstandard13
      System.AppContext (>= 4.3) - restriction: >= netstandard13
      System.Collections (>= 4.3) - restriction: >= netstandard13
      System.Collections.Concurrent (>= 4.3) - restriction: >= netstandard13
      System.Collections.Immutable (>= 1.3.1) - restriction: >= netstandard13
      System.Console (>= 4.3) - restriction: >= netstandard13
      System.Diagnostics.Debug (>= 4.3) - restriction: >= netstandard13
      System.Diagnostics.FileVersionInfo (>= 4.3) - restriction: >= netstandard13
      System.Diagnostics.StackTrace (>= 4.3) - restriction: >= netstandard13
      System.Diagnostics.Tools (>= 4.3) - restriction: >= netstandard13
      System.Dynamic.Runtime (>= 4.3) - restriction: >= netstandard13
      System.Globalization (>= 4.3) - restriction: >= netstandard13
      System.IO.Compression (>= 4.3) - restriction: >= netstandard13
      System.IO.FileSystem (>= 4.3) - restriction: >= netstandard13
      System.IO.FileSystem.Primitives (>= 4.3) - restriction: >= netstandard13
      System.Linq (>= 4.3) - restriction: >= netstandard13
      System.Linq.Expressions (>= 4.3) - restriction: >= netstandard13
      System.Reflection (>= 4.3) - restriction: >= netstandard13
      System.Reflection.Metadata (>= 1.4.2) - restriction: >= netstandard13
      System.Resources.ResourceManager (>= 4.3) - restriction: >= netstandard13
      System.Runtime (>= 4.3) - restriction: >= netstandard13
      System.Runtime.Extensions (>= 4.3) - restriction: >= netstandard13
      System.Runtime.InteropServices (>= 4.3) - restriction: >= netstandard13
      System.Runtime.Numerics (>= 4.3) - restriction: >= netstandard13
      System.Security.Cryptography.Algorithms (>= 4.3) - restriction: >= netstandard13
      System.Security.Cryptography.Encoding (>= 4.3) - restriction: >= netstandard13
      System.Security.Cryptography.X509Certificates (>= 4.3) - restriction: >= netstandard13
      System.Text.Encoding (>= 4.3) - restriction: >= netstandard13
      System.Text.Encoding.CodePages (>= 4.3) - restriction: >= netstandard13
      System.Text.Encoding.Extensions (>= 4.3) - restriction: >= netstandard13
      System.Threading (>= 4.3) - restriction: >= netstandard13
      System.Threading.Tasks (>= 4.3) - restriction: >= netstandard13
      System.Threading.Tasks.Parallel (>= 4.3) - restriction: >= netstandard13
      System.Threading.Thread (>= 4.3) - restriction: >= netstandard13
      System.ValueTuple (>= 4.3) - restriction: >= netstandard13
      System.Xml.ReaderWriter (>= 4.3) - restriction: >= netstandard13
      System.Xml.XDocument (>= 4.3) - restriction: >= netstandard13
      System.Xml.XmlDocument (>= 4.3) - restriction: >= netstandard13
      System.Xml.XPath.XDocument (>= 4.3) - restriction: >= netstandard13
    Microsoft.CodeAnalysis.CSharp (2.2) - restriction: || (>= net46) (>= netstandard16)
      Microsoft.CodeAnalysis.Common (2.2)
    Microsoft.CSharp (4.3) - restriction: || (&& (< net20) (>= net452) (>= netstandard13)) (&& (< net20) (>= net452) (< netstandard13)) (&& (< net20) (>= netstandard14)) (>= net46) (>= netstandard16)
      System.Collections (>= 4.3) - restriction: || (&& (< net45) (>= netstandard13) (< win8) (< wpa81)) (>= dnxcore50)
      System.Diagnostics.Debug (>= 4.3) - restriction: || (&& (< net45) (>= netstandard13) (< win8) (< wpa81)) (>= dnxcore50)
      System.Dynamic.Runtime (>= 4.3) - restriction: || (&& (< net45) (>= netstandard10) (< netstandard13) (< win8) (< wp8) (< wpa81)) (&& (< net45) (>= netstandard13) (< win8) (< wpa81)) (>= dnxcore50)
      System.Globalization (>= 4.3) - restriction: || (&& (< net45) (>= netstandard13) (< win8) (< wpa81)) (>= dnxcore50)
      System.Linq (>= 4.3) - restriction: || (&& (< net45) (>= netstandard13) (< win8) (< wpa81)) (>= dnxcore50)
      System.Linq.Expressions (>= 4.3) - restriction: || (&& (< net45) (>= netstandard10) (< netstandard13) (< win8) (< wp8) (< wpa81)) (&& (< net45) (>= netstandard13) (< win8) (< wpa81)) (>= dnxcore50)
      System.ObjectModel (>= 4.3) - restriction: || (&& (< net45) (>= netstandard13) (< win8) (< wpa81)) (>= dnxcore50)
      System.Reflection (>= 4.3) - restriction: || (&& (< net45) (>= netstandard13) (< win8) (< wpa81)) (>= dnxcore50)
      System.Reflection.Extensions (>= 4.3) - restriction: || (&& (< net45) (>= netstandard13) (< win8) (< wpa81)) (>= dnxcore50)
      System.Reflection.Primitives (>= 4.3) - restriction: || (&& (< net45) (>= netstandard13) (< win8) (< wpa81)) (>= dnxcore50)
      System.Reflection.TypeExtensions (>= 4.3) - restriction: || (&& (< net45) (>= netstandard13) (< win8) (< wpa81)) (>= dnxcore50)
      System.Resources.ResourceManager (>= 4.3) - restriction: || (&& (< net45) (>= netstandard13) (< win8) (< wpa81)) (>= dnxcore50)
      System.Runtime (>= 4.3) - restriction: || (&& (< net45) (>= netstandard10) (< netstandard13) (< win8) (< wp8) (< wpa81)) (&& (< net45) (>= netstandard13) (< win8) (< wpa81)) (>= dnxcore50)
      System.Runtime.Extensions (>= 4.3) - restriction: || (&& (< net45) (>= netstandard13) (< win8) (< wpa81)) (>= dnxcore50)
      System.Runtime.InteropServices (>= 4.3) - restriction: || (&& (< net45) (>= netstandard13) (< win8) (< wpa81)) (>= dnxcore50)
      System.Threading (>= 4.3) - restriction: || (&& (< net45) (>= netstandard13) (< win8) (< wpa81)) (>= dnxcore50)
    Microsoft.DotNet.PlatformAbstractions (1.1.2) - restriction: || (>= net46) (>= netstandard16)
      System.AppContext (>= 4.1) - restriction: && (< net451) (>= netstandard13)
      System.Collections (>= 4.0.11) - restriction: && (< net451) (>= netstandard13)
      System.IO (>= 4.1) - restriction: && (< net451) (>= netstandard13)
      System.IO.FileSystem (>= 4.0.1) - restriction: && (< net451) (>= netstandard13)
      System.Reflection.TypeExtensions (>= 4.1) - restriction: && (< net451) (>= netstandard13)
      System.Runtime.Extensions (>= 4.1) - restriction: && (< net451) (>= netstandard13)
      System.Runtime.InteropServices (>= 4.1) - restriction: && (< net451) (>= netstandard13)
      System.Runtime.InteropServices.RuntimeInformation (>= 4.0) - restriction: && (< net451) (>= netstandard13)
    Microsoft.Extensions.Caching.Abstractions (1.1.2) - restriction: || (>= net452) (>= netstandard14)
      Microsoft.Extensions.Primitives (>= 1.1.1) - restriction: >= netstandard10
      NETStandard.Library (>= 1.6.1) - restriction: >= netstandard10
    Microsoft.Extensions.Caching.Memory (1.1.2) - restriction: || (>= net452) (>= netstandard14)
      Microsoft.Extensions.Caching.Abstractions (>= 1.1.2) - restriction: || (>= net451) (>= netstandard13)
      Microsoft.Extensions.DependencyInjection.Abstractions (>= 1.1.1) - restriction: || (>= net451) (>= netstandard13)
      Microsoft.Extensions.Options (>= 1.1.2) - restriction: || (>= net451) (>= netstandard13)
      NETStandard.Library (>= 1.6.1) - restriction: || (>= net451) (>= netstandard13)
    Microsoft.Extensions.Configuration (1.1.2) - restriction: || (>= net451) (>= netstandard13)
      Microsoft.Extensions.Configuration.Abstractions (>= 1.1.2) - restriction: >= netstandard11
      NETStandard.Library (>= 1.6.1) - restriction: >= netstandard11
    Microsoft.Extensions.Configuration.Abstractions (1.1.2) - restriction: || (>= net451) (>= netstandard13)
      Microsoft.Extensions.Primitives (>= 1.1.1) - restriction: >= netstandard10
      NETStandard.Library (>= 1.6.1) - restriction: >= netstandard10
    Microsoft.Extensions.Configuration.Binder (1.1.2) - restriction: || (>= net452) (>= netstandard14)
      Microsoft.Extensions.Configuration (>= 1.1.2) - restriction: >= netstandard11
      NETStandard.Library (>= 1.6.1) - restriction: >= netstandard11
      System.ComponentModel.TypeConverter (>= 4.3) - restriction: >= netstandard11
    Microsoft.Extensions.Configuration.EnvironmentVariables (1.1.2) - restriction: || (>= net451) (>= netstandard13)
      Microsoft.Extensions.Configuration (>= 1.1.2) - restriction: || (>= net451) (>= netstandard13)
      NETStandard.Library (>= 1.6.1) - restriction: || (>= net451) (>= netstandard13)
    Microsoft.Extensions.DependencyInjection (1.1.1) - restriction: || (>= net451) (>= netstandard13)
      Microsoft.Extensions.DependencyInjection.Abstractions (>= 1.1.1) - restriction: >= netstandard11
      NETStandard.Library (>= 1.6.1) - restriction: >= netstandard11
    Microsoft.Extensions.DependencyInjection.Abstractions (1.1.1) - restriction: || (>= net451) (>= netstandard13)
      NETStandard.Library (>= 1.6.1) - restriction: >= netstandard10
      System.ComponentModel (>= 4.3) - restriction: >= netstandard10
    Microsoft.Extensions.DependencyModel (1.1.2) - restriction: || (>= net46) (>= netstandard16)
      Microsoft.DotNet.PlatformAbstractions (>= 1.1.2) - restriction: || (>= net451) (>= netstandard13)
      Newtonsoft.Json (>= 9.0.1) - restriction: || (>= net451) (>= netstandard13)
      System.Diagnostics.Debug (>= 4.0.11) - restriction: || (&& (< net451) (>= netstandard13) (< netstandard16)) (&& (< net451) (>= netstandard16))
      System.Dynamic.Runtime (>= 4.0.11) - restriction: || (&& (< net451) (>= netstandard13) (< netstandard16)) (&& (< net451) (>= netstandard16))
      System.Linq (>= 4.1) - restriction: || (&& (< net451) (>= netstandard13) (< netstandard16)) (&& (< net451) (>= netstandard16))
    Microsoft.Extensions.FileProviders.Abstractions (1.1.1) - restriction: || (>= net451) (>= netstandard13)
      Microsoft.Extensions.Primitives (>= 1.1.1) - restriction: >= netstandard10
      NETStandard.Library (>= 1.6.1) - restriction: >= netstandard10
    Microsoft.Extensions.FileProviders.Composite (1.1.1) - restriction: || (>= net46) (>= netstandard16)
      Microsoft.Extensions.FileProviders.Abstractions (>= 1.1.1) - restriction: >= netstandard10
      NETStandard.Library (>= 1.6.1) - restriction: >= netstandard10
    Microsoft.Extensions.FileProviders.Physical (1.1.1) - restriction: || (>= net451) (>= netstandard13)
      Microsoft.Extensions.FileProviders.Abstractions (>= 1.1.1) - restriction: || (>= net451) (>= netstandard13)
      Microsoft.Extensions.FileSystemGlobbing (>= 1.1.1) - restriction: || (>= net451) (>= netstandard13)
      NETStandard.Library (>= 1.6.1) - restriction: || (>= net451) (>= netstandard13)
      System.IO.FileSystem.Watcher (>= 4.3) - restriction: && (< net451) (>= netstandard13)
    Microsoft.Extensions.FileSystemGlobbing (1.1.1) - restriction: || (>= net451) (>= netstandard13)
      NETStandard.Library (>= 1.6.1) - restriction: || (>= net45) (>= netstandard13)
    Microsoft.Extensions.Globalization.CultureInfoCache (1.1.2) - restriction: || (>= net46) (>= netstandard16)
      NETStandard.Library (>= 1.6.1) - restriction: >= netstandard11
    Microsoft.Extensions.Localization (1.1.2) - restriction: || (>= net46) (>= netstandard16)
      Microsoft.AspNetCore.Hosting.Abstractions (>= 1.1.2) - restriction: || (>= net451) (>= netstandard13)
      Microsoft.Extensions.DependencyInjection.Abstractions (>= 1.1.1) - restriction: || (>= net451) (>= netstandard13)
      Microsoft.Extensions.Localization.Abstractions (>= 1.1.2) - restriction: || (>= net451) (>= netstandard13)
      Microsoft.Extensions.Options (>= 1.1.2) - restriction: || (>= net451) (>= netstandard13)
      NETStandard.Library (>= 1.6.1) - restriction: || (>= net451) (>= netstandard13)
      System.Resources.Reader (>= 4.3) - restriction: && (< net451) (>= netstandard13)
    Microsoft.Extensions.Localization.Abstractions (1.1.2) - restriction: || (>= net46) (>= netstandard16)
      Microsoft.CSharp (>= 4.3) - restriction: >= netstandard10
      NETStandard.Library (>= 1.6.1) - restriction: >= netstandard10
    Microsoft.Extensions.Logging (1.1.2) - restriction: || (>= net451) (>= netstandard13)
      Microsoft.Extensions.DependencyInjection.Abstractions (>= 1.1.1) - restriction: >= netstandard11
      Microsoft.Extensions.Logging.Abstractions (>= 1.1.2) - restriction: >= netstandard11
      NETStandard.Library (>= 1.6.1) - restriction: >= netstandard11
    Microsoft.Extensions.Logging.Abstractions (1.1.2) - restriction: || (>= net451) (>= netstandard13)
      NETStandard.Library (>= 1.6.1) - restriction: >= netstandard11
    Microsoft.Extensions.ObjectPool (1.1.1) - restriction: || (>= net451) (>= netstandard13)
      NETStandard.Library (>= 1.6.1) - restriction: || (>= net451) (>= netstandard13)
    Microsoft.Extensions.Options (1.1.2) - restriction: || (>= net451) (>= netstandard13)
      Microsoft.Extensions.DependencyInjection.Abstractions (>= 1.1.1) - restriction: >= netstandard10
      Microsoft.Extensions.Primitives (>= 1.1.1) - restriction: >= netstandard10
      NETStandard.Library (>= 1.6.1) - restriction: >= netstandard10
      System.ComponentModel (>= 4.3) - restriction: >= netstandard10
    Microsoft.Extensions.Options.ConfigurationExtensions (1.1.2) - restriction: || (>= net452) (>= netstandard14)
      Microsoft.Extensions.Configuration.Abstractions (>= 1.1.2) - restriction: >= netstandard11
      Microsoft.Extensions.Configuration.Binder (>= 1.1.2) - restriction: >= netstandard11
      Microsoft.Extensions.DependencyInjection.Abstractions (>= 1.1.1) - restriction: >= netstandard11
      Microsoft.Extensions.Options (>= 1.1.2) - restriction: >= netstandard11
      NETStandard.Library (>= 1.6.1) - restriction: >= netstandard11
    Microsoft.Extensions.PlatformAbstractions (1.1) - restriction: || (>= net451) (>= netstandard13)
      NETStandard.Library (>= 1.6.1) - restriction: || (>= net451) (>= netstandard13)
      System.Reflection.TypeExtensions (>= 4.3) - restriction: && (< net451) (>= netstandard13)
    Microsoft.Extensions.Primitives (1.1.1) - restriction: || (>= net451) (>= netstandard13)
      NETStandard.Library (>= 1.6.1) - restriction: >= netstandard10
      System.Runtime.CompilerServices.Unsafe (>= 4.3) - restriction: >= netstandard10
    Microsoft.Extensions.WebEncoders (1.1.2) - restriction: || (>= net452) (>= netstandard14)
      Microsoft.Extensions.DependencyInjection.Abstractions (>= 1.1.1) - restriction: >= netstandard10
      Microsoft.Extensions.Options (>= 1.1.2) - restriction: >= netstandard10
      NETStandard.Library (>= 1.6.1) - restriction: >= netstandard10
      System.Text.Encodings.Web (>= 4.3.1) - restriction: >= netstandard10
    Microsoft.IdentityModel.Logging (1.1.3) - restriction: || (>= net452) (>= netstandard14)
      System.Diagnostics.Tracing (>= 4.3) - restriction: && (< net451) (>= netstandard14)
      System.Globalization (>= 4.3) - restriction: && (< net451) (>= netstandard14)
      System.IO (>= 4.3) - restriction: && (< net451) (>= netstandard14)
      System.IO.FileSystem (>= 4.3) - restriction: && (< net451) (>= netstandard14)
    Microsoft.IdentityModel.Tokens (5.1.3) - restriction: || (>= net452) (>= netstandard14)
      Microsoft.IdentityModel.Logging (>= 1.1.3) - restriction: || (>= net451) (>= netstandard14)
      Newtonsoft.Json (>= 9.0.1) - restriction: || (>= net451) (>= netstandard14)
      System.Collections (>= 4.3) - restriction: && (< net451) (>= netstandard14)
      System.Diagnostics.Tools (>= 4.3) - restriction: && (< net451) (>= netstandard14)
      System.Runtime (>= 4.3) - restriction: && (< net451) (>= netstandard14)
      System.Runtime.Extensions (>= 4.3) - restriction: && (< net451) (>= netstandard14)
      System.Runtime.InteropServices (>= 4.3) - restriction: && (< net451) (>= netstandard14)
      System.Runtime.InteropServices.RuntimeInformation (>= 4.3) - restriction: && (< net451) (>= netstandard14)
      System.Security.Claims (>= 4.3) - restriction: && (< net451) (>= netstandard14)
      System.Security.Cryptography.Algorithms (>= 4.3) - restriction: && (< net451) (>= netstandard14)
      System.Security.Cryptography.X509Certificates (>= 4.3) - restriction: && (< net451) (>= netstandard14)
      System.Text.RegularExpressions (>= 4.3) - restriction: && (< net451) (>= netstandard14)
      System.Threading (>= 4.3) - restriction: && (< net451) (>= netstandard14)
      System.Xml.ReaderWriter (>= 4.3) - restriction: && (< net451) (>= netstandard14)
    Microsoft.Net.Http.Headers (1.1.2) - restriction: || (>= net451) (>= netstandard13)
      Microsoft.Extensions.Primitives (>= 1.1.1) - restriction: >= netstandard11
      NETStandard.Library (>= 1.6.1) - restriction: >= netstandard11
      System.Buffers (>= 4.3) - restriction: >= netstandard11
      System.Diagnostics.Contracts (>= 4.3) - restriction: >= netstandard11
    Microsoft.NETCore.Platforms (1.1) - restriction: || (&& (< net45) (< netstandard12) (>= netstandard14) (< win8)) (&& (< net45) (>= netstandard14) (< win8) (< wpa81)) (&& (< net45) (>= netstandard15)) (&& (< net45) (>= netstandard16)) (>= net451) (&& (>= net452) (>= dnxcore50)) (&& (< net452) (>= netstandard14)) (&& (< net452) (>= netstandard16)) (&& (< net46) (>= netstandard16)) (&& (>= dnxcore50) (>= netstandard14)) (&& (>= dnxcore50) (>= netstandard16)) (&& (< netstandard11) (>= netstandard14) (< win8)) (>= netstandard13) (&& (>= netstandard14) (< win81) (< wpa81))
    Microsoft.NETCore.Targets (1.1) - restriction: || (&& (< net45) (>= net451)) (&& (< net45) (< netstandard12) (>= netstandard13) (< win8)) (&& (< net45) (< netstandard12) (>= netstandard14) (< win8)) (&& (< net45) (>= netstandard13) (< win8) (< wpa81)) (&& (< net45) (>= netstandard14) (< win8) (< wpa81)) (&& (< net45) (>= netstandard15)) (&& (< net45) (>= netstandard16)) (&& (>= net451) (>= dnxcore50)) (&& (>= net451) (< netstandard11)) (&& (< net451) (>= netstandard13) (< win81) (< wpa81)) (&& (< net451) (>= netstandard14) (< win81) (< wpa81)) (&& (< net451) (>= netstandard16)) (&& (< net452) (>= netstandard14)) (&& (< net46) (>= netstandard13)) (&& (< net46) (>= netstandard16)) (&& (>= dnxcore50) (>= netstandard13)) (&& (>= dnxcore50) (>= netstandard14)) (&& (>= dnxcore50) (>= netstandard16)) (&& (< netstandard11) (>= netstandard13) (< win8)) (&& (< netstandard11) (>= netstandard14) (< win8)) (>= netcore11)
    Microsoft.Win32.Primitives (4.3) - restriction: || (&& (< net45) (>= netstandard14) (< netstandard16) (< win8) (< wpa81)) (&& (< net452) (>= netstandard14)) (>= netstandard13)
      Microsoft.NETCore.Platforms (>= 1.1) - restriction: && (< net46) (>= netstandard13)
      Microsoft.NETCore.Targets (>= 1.1) - restriction: && (< net46) (>= netstandard13)
      System.Runtime (>= 4.3) - restriction: && (< net46) (>= netstandard13)
    Microsoft.Win32.Registry (4.3) - restriction: && (< net452) (>= netstandard14)
      Microsoft.NETCore.Platforms (>= 1.1) - restriction: && (< net46) (>= netstandard13)
      System.Collections (>= 4.3) - restriction: && (< net46) (>= netstandard13)
      System.Globalization (>= 4.3) - restriction: && (< net46) (>= netstandard13)
      System.Resources.ResourceManager (>= 4.3) - restriction: && (< net46) (>= netstandard13)
      System.Runtime (>= 4.3) - restriction: && (< net46) (>= netstandard13)
      System.Runtime.Extensions (>= 4.3) - restriction: && (< net46) (>= netstandard13)
      System.Runtime.Handles (>= 4.3) - restriction: && (< net46) (>= netstandard13)
      System.Runtime.InteropServices (>= 4.3) - restriction: && (< net46) (>= netstandard13)
    NETStandard.Library (1.6.1) - restriction: || (&& (< net20) (>= net46)) (&& (< net20) (>= netstandard16)) (>= net451) (>= netstandard13)
      Microsoft.NETCore.Platforms (>= 1.1) - restriction: >= netstandard10
      Microsoft.Win32.Primitives (>= 4.3) - restriction: >= netstandard13
      System.AppContext (>= 4.3) - restriction: >= netstandard13
      System.Collections (>= 4.3) - restriction: >= netstandard10
      System.Collections.Concurrent (>= 4.3) - restriction: >= netstandard11
      System.Console (>= 4.3) - restriction: >= netstandard13
      System.Diagnostics.Debug (>= 4.3) - restriction: >= netstandard10
      System.Diagnostics.Tools (>= 4.3) - restriction: >= netstandard10
      System.Diagnostics.Tracing (>= 4.3) - restriction: >= netstandard11
      System.Globalization (>= 4.3) - restriction: >= netstandard10
      System.Globalization.Calendars (>= 4.3) - restriction: >= netstandard13
      System.IO (>= 4.3) - restriction: >= netstandard10
      System.IO.Compression (>= 4.3) - restriction: >= netstandard11
      System.IO.Compression.ZipFile (>= 4.3) - restriction: >= netstandard13
      System.IO.FileSystem (>= 4.3) - restriction: >= netstandard13
      System.IO.FileSystem.Primitives (>= 4.3) - restriction: >= netstandard13
      System.Linq (>= 4.3) - restriction: >= netstandard10
      System.Linq.Expressions (>= 4.3) - restriction: >= netstandard10
      System.Net.Http (>= 4.3) - restriction: >= netstandard11
      System.Net.Primitives (>= 4.3) - restriction: >= netstandard10
      System.Net.Sockets (>= 4.3) - restriction: >= netstandard13
      System.ObjectModel (>= 4.3) - restriction: >= netstandard10
      System.Reflection (>= 4.3) - restriction: >= netstandard10
      System.Reflection.Extensions (>= 4.3) - restriction: >= netstandard10
      System.Reflection.Primitives (>= 4.3) - restriction: >= netstandard10
      System.Resources.ResourceManager (>= 4.3) - restriction: >= netstandard10
      System.Runtime (>= 4.3) - restriction: >= netstandard10
      System.Runtime.Extensions (>= 4.3) - restriction: >= netstandard10
      System.Runtime.Handles (>= 4.3) - restriction: >= netstandard13
      System.Runtime.InteropServices (>= 4.3) - restriction: >= netstandard11
      System.Runtime.InteropServices.RuntimeInformation (>= 4.3) - restriction: >= netstandard11
      System.Runtime.Numerics (>= 4.3) - restriction: >= netstandard11
      System.Security.Cryptography.Algorithms (>= 4.3) - restriction: >= netstandard13
      System.Security.Cryptography.Encoding (>= 4.3) - restriction: >= netstandard13
      System.Security.Cryptography.Primitives (>= 4.3) - restriction: >= netstandard13
      System.Security.Cryptography.X509Certificates (>= 4.3) - restriction: >= netstandard13
      System.Text.Encoding (>= 4.3) - restriction: >= netstandard10
      System.Text.Encoding.Extensions (>= 4.3) - restriction: >= netstandard10
      System.Text.RegularExpressions (>= 4.3) - restriction: >= netstandard10
      System.Threading (>= 4.3) - restriction: >= netstandard10
      System.Threading.Tasks (>= 4.3) - restriction: >= netstandard10
      System.Threading.Timer (>= 4.3) - restriction: >= netstandard12
      System.Xml.ReaderWriter (>= 4.3) - restriction: >= netstandard10
      System.Xml.XDocument (>= 4.3) - restriction: >= netstandard10
    Newtonsoft.Json (10.0.2) - restriction: || (>= net452) (>= netstandard14)
      Microsoft.CSharp (>= 4.3) - restriction: || (&& (< net20) (>= netstandard10) (< netstandard13)) (&& (< net20) (>= netstandard13))
      NETStandard.Library (>= 1.6.1) - restriction: || (&& (< net20) (>= netstandard10) (< netstandard13)) (&& (< net20) (>= netstandard13))
      System.ComponentModel.TypeConverter (>= 4.3) - restriction: || (&& (< net20) (>= netstandard10) (< netstandard13)) (&& (< net20) (>= netstandard13))
      System.Runtime.Serialization.Formatters (>= 4.3) - restriction: && (< net20) (>= netstandard13)
      System.Runtime.Serialization.Primitives (>= 4.3) - restriction: || (&& (< net20) (>= netstandard10) (< netstandard13)) (&& (< net20) (>= netstandard13))
      System.Xml.XmlDocument (>= 4.3) - restriction: && (< net20) (>= netstandard13)
    runtime.debian.8-x64.runtime.native.System.Security.Cryptography.OpenSsl (4.3.1) - restriction: || (&& (< net45) (>= netstandard16)) (&& (< net452) (>= netstandard14)) (&& (< net452) (>= netstandard16)) (&& (< net46) (>= netstandard13))
    runtime.fedora.23-x64.runtime.native.System.Security.Cryptography.OpenSsl (4.3.1) - restriction: || (&& (< net45) (>= netstandard16)) (&& (< net452) (>= netstandard14)) (&& (< net452) (>= netstandard16)) (&& (< net46) (>= netstandard13))
    runtime.fedora.24-x64.runtime.native.System.Security.Cryptography.OpenSsl (4.3.1) - restriction: || (&& (< net45) (>= netstandard16)) (&& (< net452) (>= netstandard14)) (&& (< net452) (>= netstandard16)) (&& (< net46) (>= netstandard13))
    runtime.native.System (4.3) - restriction: || (&& (< net45) (>= net451)) (&& (< net45) (>= netstandard13) (< win8) (< wpa81)) (&& (< net45) (>= netstandard14) (< win8) (< wpa81)) (&& (< net45) (>= netstandard16)) (&& (< net451) (>= netstandard13)) (&& (< net452) (>= netstandard14)) (&& (< net452) (>= netstandard16))
      Microsoft.NETCore.Platforms (>= 1.1)
      Microsoft.NETCore.Targets (>= 1.1)
    runtime.native.System.IO.Compression (4.3) - restriction: || (&& (< net45) (>= net451) (>= netstandard13)) (&& (< net45) (>= netstandard13) (< win8) (< wpa81)) (&& (< net45) (>= netstandard14) (< win8) (< wpa81)) (&& (>= net451) (>= dnxcore50)) (&& (>= dnxcore50) (>= netstandard13)) (&& (>= dnxcore50) (>= netstandard14))
      Microsoft.NETCore.Platforms (>= 1.1)
      Microsoft.NETCore.Targets (>= 1.1)
    runtime.native.System.Net.Http (4.3) - restriction: || (&& (< net45) (>= netstandard16)) (&& (< net452) (>= netstandard16))
      Microsoft.NETCore.Platforms (>= 1.1)
      Microsoft.NETCore.Targets (>= 1.1)
    runtime.native.System.Security.Cryptography.Apple (4.3) - restriction: && (< net452) (>= netstandard16)
      runtime.osx.10.10-x64.runtime.native.System.Security.Cryptography.Apple (>= 4.3)
    runtime.native.System.Security.Cryptography.OpenSsl (4.3.1) - restriction: || (&& (< net45) (>= netstandard16)) (&& (< net452) (>= netstandard14)) (&& (< net452) (>= netstandard16)) (&& (< net46) (>= netstandard13))
      runtime.debian.8-x64.runtime.native.System.Security.Cryptography.OpenSsl (>= 4.3.1)
      runtime.fedora.23-x64.runtime.native.System.Security.Cryptography.OpenSsl (>= 4.3.1)
      runtime.fedora.24-x64.runtime.native.System.Security.Cryptography.OpenSsl (>= 4.3.1)
      runtime.opensuse.13.2-x64.runtime.native.System.Security.Cryptography.OpenSsl (>= 4.3.1)
      runtime.opensuse.42.1-x64.runtime.native.System.Security.Cryptography.OpenSsl (>= 4.3.1)
      runtime.osx.10.10-x64.runtime.native.System.Security.Cryptography.OpenSsl (>= 4.3.1)
      runtime.rhel.7-x64.runtime.native.System.Security.Cryptography.OpenSsl (>= 4.3.1)
      runtime.ubuntu.14.04-x64.runtime.native.System.Security.Cryptography.OpenSsl (>= 4.3.1)
      runtime.ubuntu.16.04-x64.runtime.native.System.Security.Cryptography.OpenSsl (>= 4.3.1)
      runtime.ubuntu.16.10-x64.runtime.native.System.Security.Cryptography.OpenSsl (>= 4.3.1)
    runtime.opensuse.13.2-x64.runtime.native.System.Security.Cryptography.OpenSsl (4.3.1) - restriction: || (&& (< net45) (>= netstandard16)) (&& (< net452) (>= netstandard14)) (&& (< net452) (>= netstandard16)) (&& (< net46) (>= netstandard13))
    runtime.opensuse.42.1-x64.runtime.native.System.Security.Cryptography.OpenSsl (4.3.1) - restriction: || (&& (< net45) (>= netstandard16)) (&& (< net452) (>= netstandard14)) (&& (< net452) (>= netstandard16)) (&& (< net46) (>= netstandard13))
    runtime.osx.10.10-x64.runtime.native.System.Security.Cryptography.Apple (4.3) - restriction: && (< net452) (>= netstandard16)
    runtime.osx.10.10-x64.runtime.native.System.Security.Cryptography.OpenSsl (4.3.1) - restriction: || (&& (< net45) (>= netstandard16)) (&& (< net452) (>= netstandard14)) (&& (< net452) (>= netstandard16)) (&& (< net46) (>= netstandard13))
    runtime.rhel.7-x64.runtime.native.System.Security.Cryptography.OpenSsl (4.3.1) - restriction: || (&& (< net45) (>= netstandard16)) (&& (< net452) (>= netstandard14)) (&& (< net452) (>= netstandard16)) (&& (< net46) (>= netstandard13))
    runtime.ubuntu.14.04-x64.runtime.native.System.Security.Cryptography.OpenSsl (4.3.1) - restriction: || (&& (< net45) (>= netstandard16)) (&& (< net452) (>= netstandard14)) (&& (< net452) (>= netstandard16)) (&& (< net46) (>= netstandard13))
    runtime.ubuntu.16.04-x64.runtime.native.System.Security.Cryptography.OpenSsl (4.3.1) - restriction: || (&& (< net45) (>= netstandard16)) (&& (< net452) (>= netstandard14)) (&& (< net452) (>= netstandard16)) (&& (< net46) (>= netstandard13))
    runtime.ubuntu.16.10-x64.runtime.native.System.Security.Cryptography.OpenSsl (4.3.1) - restriction: || (&& (< net45) (>= netstandard16)) (&& (< net452) (>= netstandard14)) (&& (< net452) (>= netstandard16)) (&& (< net46) (>= netstandard13))
    System.AppContext (4.3) - restriction: || (&& (< net451) (>= net46)) (&& (< net451) (>= netstandard16)) (&& (< net452) (>= netstandard14)) (>= netstandard13)
      System.Runtime (>= 4.3) - restriction: || (&& (< net46) (>= netstandard13) (< netstandard16)) (&& (< net46) (>= netstandard16)) (>= dnxcore50)
    System.Buffers (4.3) - restriction: || (&& (< net45) (>= netstandard14) (< win8) (< wpa81)) (>= net451) (&& (< net452) (>= netstandard14)) (&& (>= dnxcore50) (>= netstandard14)) (>= netstandard13)
      System.Diagnostics.Debug (>= 4.3) - restriction: && (< net45) (>= netstandard11) (< win8) (< wpa81)
      System.Diagnostics.Tracing (>= 4.3) - restriction: && (< net45) (>= netstandard11) (< win8) (< wpa81)
      System.Resources.ResourceManager (>= 4.3) - restriction: && (< net45) (>= netstandard11) (< win8) (< wpa81)
      System.Runtime (>= 4.3) - restriction: && (< net45) (>= netstandard11) (< win8) (< wpa81)
      System.Threading (>= 4.3) - restriction: && (< net45) (>= netstandard11) (< win8) (< wpa81)
    System.Collections (4.3) - restriction: || (&& (< net20) (>= net46)) (&& (< net20) (>= netstandard14) (< win8) (< wpa81)) (&& (< net20) (>= netstandard16)) (&& (< net45) (>= net452)) (&& (< net45) (>= net46)) (&& (< net45) (>= netstandard14) (< win8) (< wpa81)) (&& (< net45) (>= netstandard15)) (&& (< net45) (>= netstandard16)) (>= net451) (&& (>= net452) (>= dnxcore50)) (&& (< net452) (>= netstandard14)) (&& (< net452) (>= netstandard16)) (&& (>= net46) (>= dnxcore50)) (&& (>= dnxcore50) (>= netstandard14)) (&& (>= dnxcore50) (>= netstandard16)) (>= netstandard13)
      Microsoft.NETCore.Platforms (>= 1.1) - restriction: || (&& (< net45) (>= netstandard10) (< netstandard13) (< win8) (< wp8) (< wpa81)) (&& (< net45) (>= netstandard13) (< win8) (< wpa81)) (>= dnxcore50)
      Microsoft.NETCore.Targets (>= 1.1) - restriction: || (&& (< net45) (>= netstandard10) (< netstandard13) (< win8) (< wp8) (< wpa81)) (&& (< net45) (>= netstandard13) (< win8) (< wpa81)) (>= dnxcore50)
      System.Runtime (>= 4.3) - restriction: || (&& (< net45) (>= netstandard10) (< netstandard13) (< win8) (< wp8) (< wpa81)) (&& (< net45) (>= netstandard13) (< win8) (< wpa81)) (>= dnxcore50)
    System.Collections.Concurrent (4.3) - restriction: || (&& (< net45) (>= netstandard16)) (>= net451) (&& (< net452) (>= netstandard14)) (&& (>= dnxcore50) (>= netstandard16)) (>= netstandard13)
      System.Collections (>= 4.3) - restriction: || (&& (< net45) (>= netstandard13) (< win8) (< wpa81)) (>= dnxcore50)
      System.Diagnostics.Debug (>= 4.3) - restriction: || (&& (< net45) (>= netstandard13) (< win8) (< wpa81)) (>= dnxcore50)
      System.Diagnostics.Tracing (>= 4.3) - restriction: || (&& (< net45) (>= netstandard13) (< win8) (< wpa81)) (>= dnxcore50)
      System.Globalization (>= 4.3) - restriction: || (&& (< net45) (>= netstandard13) (< win8) (< wpa81)) (>= dnxcore50)
      System.Reflection (>= 4.3) - restriction: && (< net45) (>= netstandard13) (< win8) (< wpa81)
      System.Resources.ResourceManager (>= 4.3) - restriction: || (&& (< net45) (>= netstandard13) (< win8) (< wpa81)) (>= dnxcore50)
      System.Runtime (>= 4.3) - restriction: || (&& (< net45) (>= netstandard11) (< netstandard13) (< win8) (< wpa81)) (&& (< net45) (>= netstandard13) (< win8) (< wpa81)) (>= dnxcore50)
      System.Runtime.Extensions (>= 4.3) - restriction: || (&& (< net45) (>= netstandard13) (< win8) (< wpa81)) (>= dnxcore50)
      System.Threading (>= 4.3) - restriction: || (&& (< net45) (>= netstandard13) (< win8) (< wpa81)) (>= dnxcore50)
      System.Threading.Tasks (>= 4.3) - restriction: || (&& (< net45) (>= netstandard11) (< netstandard13) (< win8) (< wpa81)) (&& (< net45) (>= netstandard13) (< win8) (< wpa81)) (>= dnxcore50)
    System.Collections.Immutable (1.3.1) - restriction: || (&& (>= net45) (>= netstandard13)) (>= net451) (&& (< netstandard11) (>= netstandard13) (>= win8)) (&& (>= netstandard13) (>= monoandroid)) (&& (>= netstandard13) (>= monotouch)) (&& (>= netstandard13) (>= xamarinios)) (&& (>= netstandard13) (>= xamarinmac)) (&& (>= netstandard13) (< win8)) (&& (>= netstandard13) (>= wpa81)) (>= netstandard16)
      System.Collections (>= 4.3) - restriction: && (< net45) (>= netstandard10) (< win8) (< wp8) (< wpa81)
      System.Diagnostics.Debug (>= 4.3) - restriction: && (< net45) (>= netstandard10) (< win8) (< wp8) (< wpa81)
      System.Globalization (>= 4.3) - restriction: && (< net45) (>= netstandard10) (< win8) (< wp8) (< wpa81)
      System.Linq (>= 4.3) - restriction: && (< net45) (>= netstandard10) (< win8) (< wp8) (< wpa81)
      System.Resources.ResourceManager (>= 4.3) - restriction: && (< net45) (>= netstandard10) (< win8) (< wp8) (< wpa81)
      System.Runtime (>= 4.3) - restriction: && (< net45) (>= netstandard10) (< win8) (< wp8) (< wpa81)
      System.Runtime.Extensions (>= 4.3) - restriction: && (< net45) (>= netstandard10) (< win8) (< wp8) (< wpa81)
      System.Threading (>= 4.3) - restriction: && (< net45) (>= netstandard10) (< win8) (< wp8) (< wpa81)
    System.Collections.NonGeneric (4.3) - restriction: || (&& (< net20) (>= net46) (>= netstandard15)) (&& (< net20) (>= netstandard16)) (&& (< net45) (>= netstandard15)) (&& (< net452) (>= netstandard14)) (>= net462)
      System.Diagnostics.Debug (>= 4.3) - restriction: && (< net46) (>= netstandard13)
      System.Globalization (>= 4.3) - restriction: && (< net46) (>= netstandard13)
      System.Resources.ResourceManager (>= 4.3) - restriction: && (< net46) (>= netstandard13)
      System.Runtime (>= 4.3) - restriction: && (< net46) (>= netstandard13)
      System.Runtime.Extensions (>= 4.3) - restriction: && (< net46) (>= netstandard13)
      System.Threading (>= 4.3) - restriction: && (< net46) (>= netstandard13)
    System.Collections.Specialized (4.3) - restriction: || (&& (< net20) (>= net46) (>= netstandard15)) (&& (< net20) (>= netstandard16)) (&& (< net45) (>= netstandard15)) (&& (< net452) (>= netstandard14))
      System.Collections.NonGeneric (>= 4.3) - restriction: && (< net46) (>= netstandard13)
      System.Globalization (>= 4.3) - restriction: && (< net46) (>= netstandard13)
      System.Globalization.Extensions (>= 4.3) - restriction: && (< net46) (>= netstandard13)
      System.Resources.ResourceManager (>= 4.3) - restriction: && (< net46) (>= netstandard13)
      System.Runtime (>= 4.3) - restriction: && (< net46) (>= netstandard13)
      System.Runtime.Extensions (>= 4.3) - restriction: && (< net46) (>= netstandard13)
      System.Threading (>= 4.3) - restriction: && (< net46) (>= netstandard13)
    System.ComponentModel (4.3) - restriction: || (&& (< net20) (>= net46) (>= netstandard15)) (&& (< net20) (>= net46) (< netstandard15)) (&& (< net20) (>= netstandard16)) (&& (< net45) (>= net452) (< netstandard15)) (&& (< net45) (>= netstandard14) (< netstandard15) (< win8) (< wpa81)) (&& (< net45) (>= netstandard15)) (&& (< net45) (>= netstandard16)) (>= net451) (&& (>= dnxcore50) (>= netstandard16)) (>= netstandard13)
      System.Runtime (>= 4.3) - restriction: || (&& (< net45) (>= netstandard10) (< netstandard13) (< win8) (< wp8) (< wpa81)) (&& (< net45) (>= netstandard13) (< win8) (< wpa81)) (>= dnxcore50)
    System.ComponentModel.Annotations (4.3) - restriction: && (< net451) (>= netstandard16)
      System.Collections (>= 4.3) - restriction: || (&& (< net45) (>= netstandard14)) (>= dnxcore50)
      System.ComponentModel (>= 4.3) - restriction: || (&& (< net45) (>= netstandard13) (< netstandard14) (< win8)) (&& (< net45) (>= netstandard14)) (>= dnxcore50)
      System.Globalization (>= 4.3) - restriction: || (&& (< net45) (>= netstandard14)) (>= dnxcore50)
      System.Linq (>= 4.3) - restriction: || (&& (< net45) (>= netstandard14)) (>= dnxcore50)
      System.Reflection (>= 4.3) - restriction: || (&& (< net45) (>= netstandard14)) (>= dnxcore50)
      System.Reflection.Extensions (>= 4.3) - restriction: || (&& (< net45) (>= netstandard14)) (>= dnxcore50)
      System.Resources.ResourceManager (>= 4.3) - restriction: || (&& (< net45) (>= netstandard14)) (>= dnxcore50)
      System.Runtime (>= 4.3) - restriction: || (&& (< net45) (>= netstandard11) (< netstandard13) (< win8)) (&& (< net45) (>= netstandard13) (< netstandard14) (< win8)) (&& (< net45) (>= netstandard14)) (>= dnxcore50)
      System.Runtime.Extensions (>= 4.3) - restriction: || (&& (< net45) (>= netstandard14)) (>= dnxcore50)
      System.Text.RegularExpressions (>= 4.3) - restriction: || (&& (< net45) (>= netstandard14)) (>= dnxcore50)
      System.Threading (>= 4.3) - restriction: || (&& (< net45) (>= netstandard14)) (>= dnxcore50)
    System.ComponentModel.Primitives (4.3) - restriction: || (&& (< net20) (>= net46)) (&& (< net20) (>= netstandard16)) (&& (>= net45) (>= netstandard14)) (>= net452) (&& (>= net46) (< netstandard10) (>= win8)) (&& (>= net46) (>= wp8)) (&& (>= net46) (>= wpa81)) (&& (< netstandard10) (>= netstandard14) (>= win8)) (&& (< netstandard10) (>= netstandard16) (>= win8)) (&& (>= netstandard14) (< win8)) (&& (>= netstandard14) (>= wp8)) (&& (>= netstandard14) (>= wpa81)) (>= netstandard15) (&& (>= netstandard16) (>= wp8)) (&& (>= netstandard16) (>= wpa81))
      System.ComponentModel (>= 4.3) - restriction: && (< net45) (>= netstandard10) (< win8) (< wp8) (< wpa81)
      System.Resources.ResourceManager (>= 4.3) - restriction: && (< net45) (>= netstandard10) (< win8) (< wp8) (< wpa81)
      System.Runtime (>= 4.3) - restriction: && (< net45) (>= netstandard10) (< win8) (< wp8) (< wpa81)
    System.ComponentModel.TypeConverter (4.3) - restriction: || (&& (< net20) (>= net46)) (&& (< net20) (>= netstandard16)) (>= net452) (>= netstandard14)
      System.Collections (>= 4.3) - restriction: || (&& (< net45) (>= netstandard10) (< netstandard15) (< win8) (< wp8) (< wpa81)) (&& (< net45) (>= netstandard15))
      System.Collections.NonGeneric (>= 4.3) - restriction: || (&& (< net45) (>= netstandard15)) (>= net462)
      System.Collections.Specialized (>= 4.3) - restriction: && (< net45) (>= netstandard15)
      System.ComponentModel (>= 4.3) - restriction: || (&& (< net45) (>= netstandard10) (< netstandard15) (< win8) (< wp8) (< wpa81)) (&& (< net45) (>= netstandard15))
      System.ComponentModel.Primitives (>= 4.3) - restriction: || (>= net45) (&& (>= netstandard10) (< win8)) (&& (< netstandard10) (>= win8)) (>= netstandard15) (>= wp8) (>= wpa81)
      System.Globalization (>= 4.3) - restriction: || (&& (< net45) (>= netstandard10) (< netstandard15) (< win8) (< wp8) (< wpa81)) (&& (< net45) (>= netstandard15))
      System.Linq (>= 4.3) - restriction: && (< net45) (>= netstandard15)
      System.Reflection (>= 4.3) - restriction: || (&& (< net45) (>= netstandard10) (< netstandard15) (< win8) (< wp8) (< wpa81)) (&& (< net45) (>= netstandard15))
      System.Reflection.Extensions (>= 4.3) - restriction: || (&& (< net45) (>= netstandard10) (< netstandard15) (< win8) (< wp8) (< wpa81)) (&& (< net45) (>= netstandard15))
      System.Reflection.Primitives (>= 4.3) - restriction: || (&& (< net45) (>= netstandard10) (< netstandard15) (< win8) (< wp8) (< wpa81)) (&& (< net45) (>= netstandard15))
      System.Reflection.TypeExtensions (>= 4.3) - restriction: && (< net45) (>= netstandard15)
      System.Resources.ResourceManager (>= 4.3) - restriction: || (&& (< net45) (>= netstandard10) (< netstandard15) (< win8) (< wp8) (< wpa81)) (&& (< net45) (>= netstandard15))
      System.Runtime (>= 4.3) - restriction: || (&& (< net45) (>= netstandard10) (< netstandard15) (< win8) (< wp8) (< wpa81)) (&& (< net45) (>= netstandard15))
      System.Runtime.Extensions (>= 4.3) - restriction: || (&& (< net45) (>= netstandard10) (< netstandard15) (< win8) (< wp8) (< wpa81)) (&& (< net45) (>= netstandard15))
      System.Threading (>= 4.3) - restriction: || (&& (< net45) (>= netstandard10) (< netstandard15) (< win8) (< wp8) (< wpa81)) (&& (< net45) (>= netstandard15))
    System.Console (4.3) - restriction: || (&& (< net452) (>= netstandard14)) (>= netstandard13)
      Microsoft.NETCore.Platforms (>= 1.1) - restriction: && (< net46) (>= netstandard13)
      Microsoft.NETCore.Targets (>= 1.1) - restriction: && (< net46) (>= netstandard13)
      System.IO (>= 4.3) - restriction: && (< net46) (>= netstandard13)
      System.Runtime (>= 4.3) - restriction: && (< net46) (>= netstandard13)
      System.Text.Encoding (>= 4.3) - restriction: && (< net46) (>= netstandard13)
    System.Diagnostics.Contracts (4.3) - restriction: || (>= net451) (>= netstandard13)
      System.Runtime (>= 4.3) - restriction: || (&& (< net45) (>= netstandard10) (< win8) (< wp8) (< wpa81)) (>= dnxcore50)
    System.Diagnostics.Debug (4.3) - restriction: || (&& (< net20) (>= net46)) (&& (< net20) (>= netstandard14) (< win8) (< wpa81)) (&& (< net20) (>= netstandard16)) (&& (< net45) (>= net452)) (&& (< net45) (>= netstandard14) (< win8) (< wpa81)) (&& (< net45) (>= netstandard16)) (>= net451) (&& (>= net452) (>= dnxcore50)) (&& (< net452) (>= netstandard14)) (&& (< net452) (>= netstandard16)) (&& (>= net46) (>= dnxcore50)) (&& (>= dnxcore50) (>= netstandard14)) (&& (>= dnxcore50) (>= netstandard16)) (>= netstandard13)
      Microsoft.NETCore.Platforms (>= 1.1) - restriction: || (&& (< net45) (>= netstandard10) (< netstandard13) (< win8) (< wp8) (< wpa81)) (&& (< net45) (>= netstandard13) (< win8) (< wpa81)) (>= dnxcore50)
      Microsoft.NETCore.Targets (>= 1.1) - restriction: || (&& (< net45) (>= netstandard10) (< netstandard13) (< win8) (< wp8) (< wpa81)) (&& (< net45) (>= netstandard13) (< win8) (< wpa81)) (>= dnxcore50)
      System.Runtime (>= 4.3) - restriction: || (&& (< net45) (>= netstandard10) (< netstandard13) (< win8) (< wp8) (< wpa81)) (&& (< net45) (>= netstandard13) (< win8) (< wpa81)) (>= dnxcore50)
    System.Diagnostics.DiagnosticSource (4.3.1) - restriction: || (&& (< net45) (>= netstandard14) (< win8) (< wpa81)) (&& (< net45) (>= netstandard16)) (>= net451) (&& (>= net452) (>= dnxcore50)) (&& (>= dnxcore50) (>= netstandard14)) (>= netstandard13)
      System.Collections (>= 4.3) - restriction: || (&& (< net45) (>= netstandard11) (< netstandard13) (< win8) (< wpa81)) (&& (< net45) (>= netstandard13) (< win8) (< wpa81))
      System.Diagnostics.Tracing (>= 4.3) - restriction: || (&& (< net45) (>= netstandard11) (< netstandard13) (< win8) (< wpa81)) (&& (< net45) (>= netstandard13) (< win8) (< wpa81))
      System.Reflection (>= 4.3) - restriction: || (&& (< net45) (>= netstandard11) (< netstandard13) (< win8) (< wpa81)) (&& (< net45) (>= netstandard13) (< win8) (< wpa81))
      System.Runtime (>= 4.3) - restriction: || (&& (< net45) (>= netstandard11) (< netstandard13) (< win8) (< wpa81)) (&& (< net45) (>= netstandard13) (< win8) (< wpa81))
      System.Threading (>= 4.3) - restriction: || (&& (< net45) (>= netstandard11) (< netstandard13) (< win8) (< wpa81)) (&& (< net45) (>= netstandard13) (< win8) (< wpa81))
    System.Diagnostics.FileVersionInfo (4.3) - restriction: || (>= net46) (>= netstandard16)
      Microsoft.NETCore.Platforms (>= 1.1) - restriction: || (&& (< net46) (>= netstandard13)) (>= dnxcore50)
      System.Globalization (>= 4.3) - restriction: && (< net46) (>= netstandard13)
      System.IO (>= 4.3) - restriction: || (&& (< net46) (>= netstandard13)) (>= dnxcore50)
      System.IO.FileSystem (>= 4.3) - restriction: || (&& (< net46) (>= netstandard13)) (>= dnxcore50)
      System.IO.FileSystem.Primitives (>= 4.3) - restriction: || (&& (< net46) (>= netstandard13)) (>= dnxcore50)
      System.Reflection.Metadata (>= 1.4.1) - restriction: || (&& (< net46) (>= netstandard13)) (>= dnxcore50)
      System.Runtime (>= 4.3) - restriction: || (&& (< net46) (>= netstandard13)) (>= dnxcore50)
      System.Runtime.Extensions (>= 4.3) - restriction: || (&& (< net46) (>= netstandard13)) (>= dnxcore50)
      System.Runtime.InteropServices (>= 4.3) - restriction: && (< net46) (>= netstandard13)
    System.Diagnostics.Process (4.3) - restriction: && (< net452) (>= netstandard14)
      Microsoft.NETCore.Platforms (>= 1.1) - restriction: && (< net46) (>= netstandard14)
      Microsoft.Win32.Primitives (>= 4.3) - restriction: && (< net46) (>= netstandard14)
      Microsoft.Win32.Registry (>= 4.3) - restriction: && (< net46) (>= netstandard14)
      runtime.native.System (>= 4.3) - restriction: && (< net46) (>= netstandard14)
      System.Collections (>= 4.3) - restriction: && (< net46) (>= netstandard14)
      System.Diagnostics.Debug (>= 4.3) - restriction: && (< net46) (>= netstandard14)
      System.Globalization (>= 4.3) - restriction: && (< net46) (>= netstandard14)
      System.IO (>= 4.3) - restriction: || (&& (< net46) (>= netstandard13) (< netstandard14)) (&& (< net46) (>= netstandard14))
      System.IO.FileSystem (>= 4.3) - restriction: && (< net46) (>= netstandard14)
      System.IO.FileSystem.Primitives (>= 4.3) - restriction: && (< net46) (>= netstandard14)
      System.Resources.ResourceManager (>= 4.3) - restriction: && (< net46) (>= netstandard14)
      System.Runtime (>= 4.3) - restriction: || (&& (< net46) (>= netstandard13) (< netstandard14)) (&& (< net46) (>= netstandard14))
      System.Runtime.Extensions (>= 4.3) - restriction: && (< net46) (>= netstandard14)
      System.Runtime.Handles (>= 4.3) - restriction: || (&& (< net46) (>= netstandard13) (< netstandard14)) (&& (< net46) (>= netstandard14))
      System.Runtime.InteropServices (>= 4.3) - restriction: && (< net46) (>= netstandard14)
      System.Text.Encoding (>= 4.3) - restriction: || (&& (< net46) (>= netstandard13) (< netstandard14)) (&& (< net46) (>= netstandard14))
      System.Text.Encoding.Extensions (>= 4.3) - restriction: && (< net46) (>= netstandard14)
      System.Threading (>= 4.3) - restriction: && (< net46) (>= netstandard14)
      System.Threading.Tasks (>= 4.3) - restriction: && (< net46) (>= netstandard14)
      System.Threading.Thread (>= 4.3) - restriction: && (< net46) (>= netstandard14)
      System.Threading.ThreadPool (>= 4.3) - restriction: && (< net46) (>= netstandard14)
    System.Diagnostics.StackTrace (4.3) - restriction: || (&& (< net451) (>= netstandard13) (< netstandard15)) (&& (< net451) (>= netstandard15)) (>= net46) (>= netstandard16)
      System.IO.FileSystem (>= 4.3) - restriction: && (< net46) (>= netstandard13)
      System.Reflection (>= 4.3) - restriction: && (< net46) (>= netstandard13)
      System.Reflection.Metadata (>= 1.4.1) - restriction: && (< net46) (>= netstandard13)
      System.Runtime (>= 4.3) - restriction: && (< net46) (>= netstandard13)
    System.Diagnostics.Tools (4.3) - restriction: || (&& (< net45) (>= netstandard14) (< win8) (< wpa81)) (>= net451) (&& (< net452) (>= netstandard14)) (&& (>= dnxcore50) (>= netstandard14)) (>= netstandard13)
      Microsoft.NETCore.Platforms (>= 1.1) - restriction: || (&& (< net45) (>= netstandard10) (< win8) (< wp8) (< wpa81)) (>= dnxcore50)
      Microsoft.NETCore.Targets (>= 1.1) - restriction: || (&& (< net45) (>= netstandard10) (< win8) (< wp8) (< wpa81)) (>= dnxcore50)
      System.Runtime (>= 4.3) - restriction: || (&& (< net45) (>= netstandard10) (< win8) (< wp8) (< wpa81)) (>= dnxcore50)
    System.Diagnostics.Tracing (4.3) - restriction: || (&& (< net45) (>= netstandard14) (< win8) (< wpa81)) (&& (< net45) (>= netstandard16)) (>= net451) (&& (>= net452) (>= dnxcore50)) (&& (< net452) (>= netstandard14)) (&& (>= dnxcore50) (>= netstandard14)) (&& (>= dnxcore50) (>= netstandard16)) (>= netstandard13)
      Microsoft.NETCore.Platforms (>= 1.1) - restriction: || (&& (< net45) (>= netstandard11) (< netstandard12) (< win8)) (&& (< net45) (>= netstandard12) (< netstandard13) (< win8) (< wpa81)) (&& (< net45) (>= netstandard13) (< netstandard15) (< win8) (< wpa81)) (&& (< net45) (>= netstandard15)) (>= dnxcore50)
      Microsoft.NETCore.Targets (>= 1.1) - restriction: || (&& (< net45) (>= netstandard11) (< netstandard12) (< win8)) (&& (< net45) (>= netstandard12) (< netstandard13) (< win8) (< wpa81)) (&& (< net45) (>= netstandard13) (< netstandard15) (< win8) (< wpa81)) (&& (< net45) (>= netstandard15)) (>= dnxcore50)
      System.Runtime (>= 4.3) - restriction: || (&& (< net45) (>= netstandard11) (< netstandard12) (< win8)) (&& (< net45) (>= netstandard12) (< netstandard13) (< win8) (< wpa81)) (&& (< net45) (>= netstandard13) (< netstandard15) (< win8) (< wpa81)) (&& (< net45) (>= netstandard15)) (>= dnxcore50)
    System.Dynamic.Runtime (4.3) - restriction: || (&& (< net20) (>= net452) (>= netstandard13)) (&& (< net20) (>= net452) (< netstandard13)) (&& (< net20) (>= netstandard14) (< win8) (< wpa81)) (&& (>= net452) (>= dnxcore50)) (>= net46) (&& (>= dnxcore50) (>= netstandard14)) (>= netstandard16)
      System.Collections (>= 4.3) - restriction: || (&& (< net45) (>= netstandard13) (< win8) (< wpa81)) (>= dnxcore50)
      System.Diagnostics.Debug (>= 4.3) - restriction: || (&& (< net45) (>= netstandard13) (< win8) (< wpa81)) (>= dnxcore50)
      System.Linq (>= 4.3) - restriction: || (&& (< net45) (>= netstandard13) (< win8) (< wpa81)) (>= dnxcore50)
      System.Linq.Expressions (>= 4.3) - restriction: || (&& (< net45) (>= netstandard10) (< netstandard13) (< win8) (< wp8) (< wpa81)) (&& (< net45) (>= netstandard13) (< win8) (< wpa81)) (>= dnxcore50)
      System.ObjectModel (>= 4.3) - restriction: || (&& (< net45) (>= netstandard10) (< netstandard13) (< win8) (< wp8) (< wpa81)) (&& (< net45) (>= netstandard13) (< win8) (< wpa81)) (>= dnxcore50)
      System.Reflection (>= 4.3) - restriction: || (&& (< net45) (>= netstandard10) (< netstandard13) (< win8) (< wp8) (< wpa81)) (&& (< net45) (>= netstandard13) (< win8) (< wpa81)) (>= dnxcore50)
      System.Reflection.Emit (>= 4.3) - restriction: && (< net45) (>= netstandard13) (< win8) (< wpa81)
      System.Reflection.Emit.ILGeneration (>= 4.3) - restriction: && (< net45) (>= netstandard13) (< win8) (< wpa81)
      System.Reflection.Primitives (>= 4.3) - restriction: && (< net45) (>= netstandard13) (< win8) (< wpa81)
      System.Reflection.TypeExtensions (>= 4.3) - restriction: || (&& (< net45) (>= netstandard13) (< win8) (< wpa81)) (>= dnxcore50)
      System.Resources.ResourceManager (>= 4.3) - restriction: || (&& (< net45) (>= netstandard13) (< win8) (< wpa81)) (>= dnxcore50)
      System.Runtime (>= 4.3) - restriction: || (&& (< net45) (>= netstandard10) (< netstandard13) (< win8) (< wp8) (< wpa81)) (&& (< net45) (>= netstandard13) (< win8) (< wpa81)) (>= dnxcore50)
      System.Runtime.Extensions (>= 4.3) - restriction: || (&& (< net45) (>= netstandard13) (< win8) (< wpa81)) (>= dnxcore50)
      System.Threading (>= 4.3) - restriction: || (&& (< net45) (>= netstandard13) (< win8) (< wpa81)) (>= dnxcore50)
    System.Globalization (4.3) - restriction: || (&& (< net20) (>= net46)) (&& (< net20) (>= netstandard14) (< win8) (< wpa81)) (&& (< net20) (>= netstandard16)) (&& (< net45) (>= net452) (< netstandard15)) (&& (< net45) (>= net46)) (&& (< net45) (>= netstandard14) (< win8) (< wpa81)) (&& (< net45) (>= netstandard15)) (&& (< net45) (>= netstandard16)) (>= net451) (&& (>= net452) (>= dnxcore50)) (&& (< net452) (>= netstandard14)) (&& (< net452) (>= netstandard16)) (&& (>= net46) (>= dnxcore50)) (&& (>= dnxcore50) (>= netstandard14)) (&& (>= dnxcore50) (>= netstandard16)) (>= netstandard13)
      Microsoft.NETCore.Platforms (>= 1.1) - restriction: || (&& (< net45) (>= netstandard10) (< netstandard13) (< win8) (< wp8) (< wpa81)) (&& (< net45) (>= netstandard13) (< win8) (< wpa81)) (>= dnxcore50)
      Microsoft.NETCore.Targets (>= 1.1) - restriction: || (&& (< net45) (>= netstandard10) (< netstandard13) (< win8) (< wp8) (< wpa81)) (&& (< net45) (>= netstandard13) (< win8) (< wpa81)) (>= dnxcore50)
      System.Runtime (>= 4.3) - restriction: || (&& (< net45) (>= netstandard10) (< netstandard13) (< win8) (< wp8) (< wpa81)) (&& (< net45) (>= netstandard13) (< win8) (< wpa81)) (>= dnxcore50)
    System.Globalization.Calendars (4.3) - restriction: || (&& (< net452) (>= netstandard14)) (&& (< net452) (>= netstandard16)) (&& (>= dnxcore50) (>= netstandard14)) (>= netstandard13)
      Microsoft.NETCore.Platforms (>= 1.1) - restriction: && (< net46) (>= netstandard13)
      Microsoft.NETCore.Targets (>= 1.1) - restriction: && (< net46) (>= netstandard13)
      System.Globalization (>= 4.3) - restriction: && (< net46) (>= netstandard13)
      System.Runtime (>= 4.3) - restriction: && (< net46) (>= netstandard13)
    System.Globalization.Extensions (4.3) - restriction: || (&& (< net45) (>= netstandard16)) (&& (< net451) (>= netstandard13)) (&& (< net451) (>= netstandard14)) (&& (< net452) (>= netstandard14))
      Microsoft.NETCore.Platforms (>= 1.1) - restriction: && (< net46) (>= netstandard13)
      System.Globalization (>= 4.3) - restriction: && (< net46) (>= netstandard13)
      System.Resources.ResourceManager (>= 4.3) - restriction: && (< net46) (>= netstandard13)
      System.Runtime (>= 4.3) - restriction: && (< net46) (>= netstandard13)
      System.Runtime.Extensions (>= 4.3) - restriction: && (< net46) (>= netstandard13)
      System.Runtime.InteropServices (>= 4.3) - restriction: && (< net46) (>= netstandard13)
    System.IdentityModel.Tokens.Jwt (5.1.3) - restriction: || (>= net452) (>= netstandard14)
      Microsoft.IdentityModel.Tokens (>= 5.1.3) - restriction: || (>= net451) (>= netstandard14)
    System.IO (4.3) - restriction: || (&& (< net20) (>= net46)) (&& (< net20) (>= netstandard16)) (&& (< net45) (>= net452)) (&& (< net45) (>= net46)) (&& (< net45) (>= netstandard14) (< win8) (< wpa81)) (&& (< net45) (>= netstandard15)) (&& (< net45) (>= netstandard16)) (>= net451) (&& (>= net452) (>= dnxcore50)) (&& (< net452) (>= net463)) (&& (< net452) (>= netstandard14)) (&& (< net452) (>= netstandard16)) (&& (>= net46) (>= dnxcore50)) (&& (< net46) (>= netstandard14) (< netstandard16)) (&& (< net46) (>= netstandard16)) (&& (>= dnxcore50) (>= netstandard14)) (&& (>= dnxcore50) (>= netstandard16)) (&& (< netstandard11) (>= netstandard16)) (>= netstandard13)
      Microsoft.NETCore.Platforms (>= 1.1) - restriction: || (&& (< net45) (>= netstandard10) (< netstandard13) (< win8) (< wp8) (< wpa81)) (&& (< net45) (>= netstandard13) (< netstandard15) (< win8) (< wpa81)) (&& (< net45) (>= netstandard15)) (>= dnxcore50)
      Microsoft.NETCore.Targets (>= 1.1) - restriction: || (&& (< net45) (>= netstandard10) (< netstandard13) (< win8) (< wp8) (< wpa81)) (&& (< net45) (>= netstandard13) (< netstandard15) (< win8) (< wpa81)) (&& (< net45) (>= netstandard15)) (>= dnxcore50)
      System.Runtime (>= 4.3) - restriction: || (&& (< net45) (>= netstandard10) (< netstandard13) (< win8) (< wp8) (< wpa81)) (&& (< net45) (>= netstandard13) (< netstandard15) (< win8) (< wpa81)) (&& (< net45) (>= netstandard15)) (>= dnxcore50)
      System.Text.Encoding (>= 4.3) - restriction: || (&& (< net45) (>= netstandard10) (< netstandard13) (< win8) (< wp8) (< wpa81)) (&& (< net45) (>= netstandard13) (< netstandard15) (< win8) (< wpa81)) (&& (< net45) (>= netstandard15)) (>= dnxcore50)
      System.Threading.Tasks (>= 4.3) - restriction: || (&& (< net45) (>= netstandard10) (< netstandard13) (< win8) (< wp8) (< wpa81)) (&& (< net45) (>= netstandard13) (< netstandard15) (< win8) (< wpa81)) (&& (< net45) (>= netstandard15)) (>= dnxcore50)
    System.IO.Compression (4.3) - restriction: || (&& (< net45) (>= netstandard14) (< win8) (< wpa81)) (>= net451) (&& (< net452) (>= netstandard14)) (>= netstandard13)
      Microsoft.NETCore.Platforms (>= 1.1) - restriction: && (< net45) (>= netstandard13) (< win8) (< wpa81)
      runtime.native.System (>= 4.3) - restriction: && (< net45) (>= netstandard13) (< win8) (< wpa81)
      runtime.native.System.IO.Compression (>= 4.3) - restriction: || (&& (< net45) (>= netstandard13) (< win8) (< wpa81)) (>= dnxcore50)
      System.Buffers (>= 4.3) - restriction: || (&& (< net45) (>= netstandard13) (< win8) (< wpa81)) (>= dnxcore50)
      System.Collections (>= 4.3) - restriction: || (&& (< net45) (>= netstandard13) (< win8) (< wpa81)) (>= dnxcore50)
      System.Diagnostics.Debug (>= 4.3) - restriction: || (&& (< net45) (>= netstandard13) (< win8) (< wpa81)) (>= dnxcore50)
      System.IO (>= 4.3) - restriction: || (&& (< net45) (>= netstandard11) (< netstandard13) (< win8) (< wpa81)) (&& (< net45) (>= netstandard13) (< win8) (< wpa81)) (>= dnxcore50)
      System.Resources.ResourceManager (>= 4.3) - restriction: || (&& (< net45) (>= netstandard13) (< win8) (< wpa81)) (>= dnxcore50)
      System.Runtime (>= 4.3) - restriction: || (&& (< net45) (>= netstandard11) (< netstandard13) (< win8) (< wpa81)) (&& (< net45) (>= netstandard13) (< win8) (< wpa81)) (>= dnxcore50)
      System.Runtime.Extensions (>= 4.3) - restriction: || (&& (< net45) (>= netstandard13) (< win8) (< wpa81)) (>= dnxcore50)
      System.Runtime.Handles (>= 4.3) - restriction: || (&& (< net45) (>= netstandard13) (< win8) (< wpa81)) (>= dnxcore50)
      System.Runtime.InteropServices (>= 4.3) - restriction: || (&& (< net45) (>= netstandard13) (< win8) (< wpa81)) (>= dnxcore50)
      System.Text.Encoding (>= 4.3) - restriction: || (&& (< net45) (>= netstandard11) (< netstandard13) (< win8) (< wpa81)) (&& (< net45) (>= netstandard13) (< win8) (< wpa81)) (>= dnxcore50)
      System.Threading (>= 4.3) - restriction: || (&& (< net45) (>= netstandard13) (< win8) (< wpa81)) (>= dnxcore50)
      System.Threading.Tasks (>= 4.3) - restriction: || (&& (< net45) (>= netstandard13) (< win8) (< wpa81)) (>= dnxcore50)
    System.IO.Compression.ZipFile (4.3) - restriction: || (&& (< net452) (>= netstandard14)) (>= netstandard13)
      System.Buffers (>= 4.3) - restriction: && (< net46) (>= netstandard13)
      System.IO (>= 4.3) - restriction: && (< net46) (>= netstandard13)
      System.IO.Compression (>= 4.3) - restriction: && (< net46) (>= netstandard13)
      System.IO.FileSystem (>= 4.3) - restriction: && (< net46) (>= netstandard13)
      System.IO.FileSystem.Primitives (>= 4.3) - restriction: && (< net46) (>= netstandard13)
      System.Resources.ResourceManager (>= 4.3) - restriction: && (< net46) (>= netstandard13)
      System.Runtime (>= 4.3) - restriction: && (< net46) (>= netstandard13)
      System.Runtime.Extensions (>= 4.3) - restriction: && (< net46) (>= netstandard13)
      System.Text.Encoding (>= 4.3) - restriction: && (< net46) (>= netstandard13)
    System.IO.FileSystem (4.3) - restriction: || (&& (< net45) (>= netstandard14) (< win8) (< wpa81)) (&& (< net45) (>= netstandard16)) (&& (>= net451) (>= dnxcore50)) (&& (< net451) (>= netstandard15)) (&& (< net452) (>= netstandard14)) (&& (< net452) (>= netstandard16)) (&& (>= dnxcore50) (>= netstandard14)) (>= netstandard13)
      Microsoft.NETCore.Platforms (>= 1.1) - restriction: && (< net46) (>= netstandard13)
      Microsoft.NETCore.Targets (>= 1.1) - restriction: && (< net46) (>= netstandard13)
      System.IO (>= 4.3) - restriction: && (< net46) (>= netstandard13)
      System.IO.FileSystem.Primitives (>= 4.3) - restriction: >= netstandard13
      System.Runtime (>= 4.3) - restriction: && (< net46) (>= netstandard13)
      System.Runtime.Handles (>= 4.3) - restriction: && (< net46) (>= netstandard13)
      System.Text.Encoding (>= 4.3) - restriction: && (< net46) (>= netstandard13)
      System.Threading.Tasks (>= 4.3) - restriction: && (< net46) (>= netstandard13)
    System.IO.FileSystem.Primitives (4.3) - restriction: || (&& (< net45) (>= netstandard14) (< win8) (< wpa81)) (&& (>= net451) (>= dnxcore50)) (&& (< net452) (>= netstandard14)) (&& (< net452) (>= netstandard16)) (&& (>= dnxcore50) (>= netstandard14)) (>= netstandard13)
      System.Runtime (>= 4.3) - restriction: && (< net46) (>= netstandard13)
    System.IO.FileSystem.Watcher (4.3) - restriction: && (< net451) (>= netstandard13)
      Microsoft.NETCore.Platforms (>= 1.1) - restriction: && (< net46) (>= netstandard13)
      Microsoft.Win32.Primitives (>= 4.3) - restriction: && (< net46) (>= netstandard13)
      runtime.native.System (>= 4.3) - restriction: && (< net46) (>= netstandard13)
      System.Collections (>= 4.3) - restriction: && (< net46) (>= netstandard13)
      System.IO.FileSystem (>= 4.3) - restriction: && (< net46) (>= netstandard13)
      System.IO.FileSystem.Primitives (>= 4.3) - restriction: && (< net46) (>= netstandard13)
      System.Resources.ResourceManager (>= 4.3) - restriction: && (< net46) (>= netstandard13)
      System.Runtime (>= 4.3) - restriction: && (< net46) (>= netstandard13)
      System.Runtime.Extensions (>= 4.3) - restriction: && (< net46) (>= netstandard13)
      System.Runtime.Handles (>= 4.3) - restriction: && (< net46) (>= netstandard13)
      System.Runtime.InteropServices (>= 4.3) - restriction: && (< net46) (>= netstandard13)
      System.Text.Encoding (>= 4.3) - restriction: && (< net46) (>= netstandard13)
      System.Threading (>= 4.3) - restriction: && (< net46) (>= netstandard13)
      System.Threading.Overlapped (>= 4.3) - restriction: && (< net46) (>= netstandard13)
      System.Threading.Tasks (>= 4.3) - restriction: && (< net46) (>= netstandard13)
      System.Threading.Thread (>= 4.3) - restriction: && (< net46) (>= netstandard13)
    System.Linq (4.3) - restriction: || (&& (< net20) (>= net46)) (&& (< net20) (>= netstandard14) (< win8) (< wpa81)) (&& (< net20) (>= netstandard16)) (&& (< net45) (>= net46)) (&& (< net45) (>= netstandard15)) (&& (< net45) (>= netstandard16)) (>= net451) (&& (>= net452) (>= dnxcore50)) (&& (< net452) (>= netstandard14)) (&& (>= net46) (>= dnxcore50)) (&& (>= dnxcore50) (>= netstandard14)) (&& (>= dnxcore50) (>= netstandard16)) (>= netstandard13)
      System.Collections (>= 4.3) - restriction: || (&& (< net45) (>= netstandard10) (< netstandard16) (< win8) (< wp8) (< wpa81)) (&& (< net45) (>= netstandard16)) (>= dnxcore50)
      System.Diagnostics.Debug (>= 4.3) - restriction: || (&& (< net45) (>= netstandard16)) (>= dnxcore50)
      System.Resources.ResourceManager (>= 4.3) - restriction: || (&& (< net45) (>= netstandard16)) (>= dnxcore50)
      System.Runtime (>= 4.3) - restriction: || (&& (< net45) (>= netstandard10) (< netstandard16) (< win8) (< wp8) (< wpa81)) (&& (< net45) (>= netstandard16)) (>= dnxcore50)
      System.Runtime.Extensions (>= 4.3) - restriction: || (&& (< net45) (>= netstandard16)) (>= dnxcore50)
    System.Linq.Expressions (4.3) - restriction: || (&& (< net20) (>= net452)) (&& (< net20) (>= net46)) (&& (< net20) (>= netstandard14) (< win8) (< wpa81)) (&& (< net20) (>= netstandard16)) (&& (< net45) (>= netstandard16)) (>= net451) (&& (>= net452) (>= dnxcore50)) (&& (< net452) (>= netstandard14)) (&& (>= net46) (>= dnxcore50)) (&& (>= dnxcore50) (>= netstandard14)) (&& (>= dnxcore50) (>= netstandard16)) (>= netstandard13)
      System.Collections (>= 4.3) - restriction: || (&& (< net45) (>= netstandard16)) (>= dnxcore50)
      System.Diagnostics.Debug (>= 4.3) - restriction: || (&& (< net45) (>= netstandard16)) (>= dnxcore50)
      System.Globalization (>= 4.3) - restriction: || (&& (< net45) (>= netstandard16)) (>= dnxcore50)
      System.IO (>= 4.3) - restriction: || (&& (< net45) (>= netstandard16)) (>= dnxcore50)
      System.Linq (>= 4.3) - restriction: || (&& (< net45) (>= netstandard16)) (>= dnxcore50)
      System.ObjectModel (>= 4.3) - restriction: && (< net45) (>= netstandard16)
      System.Reflection (>= 4.3) - restriction: || (&& (< net45) (>= netstandard10) (< netstandard13) (< win8) (< wp8) (< wpa81)) (&& (< net45) (>= netstandard13) (< netstandard16) (< win8) (< wpa81)) (&& (< net45) (>= netstandard16)) (>= dnxcore50)
      System.Reflection.Emit (>= 4.3) - restriction: && (< net45) (>= netstandard16)
      System.Reflection.Emit.ILGeneration (>= 4.3) - restriction: || (&& (< net45) (>= netstandard16)) (>= dnxcore50)
      System.Reflection.Emit.Lightweight (>= 4.3) - restriction: || (&& (< net45) (>= netstandard16)) (>= dnxcore50)
      System.Reflection.Extensions (>= 4.3) - restriction: || (&& (< net45) (>= netstandard16)) (>= dnxcore50)
      System.Reflection.Primitives (>= 4.3) - restriction: || (&& (< net45) (>= netstandard16)) (>= dnxcore50)
      System.Reflection.TypeExtensions (>= 4.3) - restriction: || (&& (< net45) (>= netstandard16)) (>= dnxcore50)
      System.Resources.ResourceManager (>= 4.3) - restriction: || (&& (< net45) (>= netstandard16)) (>= dnxcore50)
      System.Runtime (>= 4.3) - restriction: || (&& (< net45) (>= netstandard10) (< netstandard13) (< win8) (< wp8) (< wpa81)) (&& (< net45) (>= netstandard13) (< netstandard16) (< win8) (< wpa81)) (&& (< net45) (>= netstandard16)) (>= dnxcore50)
      System.Runtime.Extensions (>= 4.3) - restriction: || (&& (< net45) (>= netstandard16)) (>= dnxcore50)
      System.Threading (>= 4.3) - restriction: || (&& (< net45) (>= netstandard16)) (>= dnxcore50)
    System.Linq.Queryable (4.3) - restriction: >= netstandard16
      System.Collections (>= 4.3) - restriction: || (&& (< net45) (>= netstandard13) (< win8) (< wpa81)) (>= dnxcore50)
      System.Diagnostics.Debug (>= 4.3) - restriction: || (&& (< net45) (>= netstandard13) (< win8) (< wpa81)) (>= dnxcore50)
      System.Linq (>= 4.3) - restriction: || (&& (< net45) (>= netstandard10) (< netstandard13) (< win8) (< wp8) (< wpa81)) (&& (< net45) (>= netstandard13) (< win8) (< wpa81)) (>= dnxcore50)
      System.Linq.Expressions (>= 4.3) - restriction: || (&& (< net45) (>= netstandard10) (< netstandard13) (< win8) (< wp8) (< wpa81)) (&& (< net45) (>= netstandard13) (< win8) (< wpa81)) (>= dnxcore50)
      System.Reflection (>= 4.3) - restriction: || (&& (< net45) (>= netstandard13) (< win8) (< wpa81)) (>= dnxcore50)
      System.Reflection.Extensions (>= 4.3) - restriction: || (&& (< net45) (>= netstandard13) (< win8) (< wpa81)) (>= dnxcore50)
      System.Resources.ResourceManager (>= 4.3) - restriction: || (&& (< net45) (>= netstandard13) (< win8) (< wpa81)) (>= dnxcore50)
      System.Runtime (>= 4.3) - restriction: || (&& (< net45) (>= netstandard10) (< netstandard13) (< win8) (< wp8) (< wpa81)) (&& (< net45) (>= netstandard13) (< win8) (< wpa81)) (>= dnxcore50)
    System.Net.Http (4.3.2) - restriction: || (&& (< net45) (>= netstandard16)) (>= net451) (&& (< net452) (>= netstandard14)) (&& (>= dnxcore50) (>= netstandard16)) (>= netstandard13)
      Microsoft.NETCore.Platforms (>= 1.1) - restriction: || (&& (< net45) (>= netstandard13) (< netstandard16) (< win8) (< wpa81)) (&& (< net45) (>= netstandard16)) (>= dnxcore50)
      Microsoft.Win32.Primitives (>= 4.3) - restriction: && (< net45) (>= netstandard13) (< netstandard16) (< win8) (< wpa81)
      runtime.native.System (>= 4.3) - restriction: && (< net45) (>= netstandard16)
      runtime.native.System.Net.Http (>= 4.3) - restriction: && (< net45) (>= netstandard16)
      runtime.native.System.Security.Cryptography.OpenSsl (>= 4.3) - restriction: && (< net45) (>= netstandard16)
      System.Collections (>= 4.3) - restriction: || (&& (< net45) (>= netstandard13) (< netstandard16) (< win8) (< wpa81)) (&& (< net45) (>= netstandard16)) (>= dnxcore50)
      System.Diagnostics.Debug (>= 4.3) - restriction: || (&& (< net45) (>= netstandard13) (< netstandard16) (< win8) (< wpa81)) (&& (< net45) (>= netstandard16)) (>= dnxcore50)
      System.Diagnostics.DiagnosticSource (>= 4.3) - restriction: || (&& (< net45) (>= netstandard13) (< netstandard16) (< win8) (< wpa81)) (&& (< net45) (>= netstandard16)) (>= dnxcore50)
      System.Diagnostics.Tracing (>= 4.3) - restriction: || (&& (< net45) (>= netstandard13) (< netstandard16) (< win8) (< wpa81)) (&& (< net45) (>= netstandard16)) (>= dnxcore50)
      System.Globalization (>= 4.3) - restriction: || (&& (< net45) (>= netstandard13) (< netstandard16) (< win8) (< wpa81)) (&& (< net45) (>= netstandard16)) (>= dnxcore50)
      System.Globalization.Extensions (>= 4.3) - restriction: && (< net45) (>= netstandard16)
      System.IO (>= 4.3) - restriction: || (&& (< net45) (>= netstandard11) (< netstandard13) (< win8) (< wpa81)) (&& (< net45) (>= netstandard13) (< netstandard16) (< win8) (< wpa81)) (&& (< net45) (>= netstandard16)) (>= dnxcore50)
      System.IO.Compression (>= 4.3) - restriction: && (< net45) (>= netstandard13) (< netstandard16) (< win8) (< wpa81)
      System.IO.FileSystem (>= 4.3) - restriction: && (< net45) (>= netstandard16)
      System.Net.Primitives (>= 4.3) - restriction: || (&& (< net45) (>= netstandard11) (< netstandard13) (< win8) (< wpa81)) (&& (< net45) (>= netstandard13) (< netstandard16) (< win8) (< wpa81)) (&& (< net45) (>= netstandard16)) (>= dnxcore50)
      System.Resources.ResourceManager (>= 4.3) - restriction: || (&& (< net45) (>= netstandard13) (< netstandard16) (< win8) (< wpa81)) (&& (< net45) (>= netstandard16)) (>= dnxcore50)
      System.Runtime (>= 4.3) - restriction: || (&& (< net45) (>= netstandard11) (< netstandard13) (< win8) (< wpa81)) (&& (< net45) (>= netstandard13) (< netstandard16) (< win8) (< wpa81)) (&& (< net45) (>= netstandard16)) (>= dnxcore50)
      System.Runtime.Extensions (>= 4.3) - restriction: || (&& (< net45) (>= netstandard13) (< netstandard16) (< win8) (< wpa81)) (&& (< net45) (>= netstandard16)) (>= dnxcore50)
      System.Runtime.Handles (>= 4.3) - restriction: || (&& (< net45) (>= netstandard13) (< netstandard16) (< win8) (< wpa81)) (&& (< net45) (>= netstandard16))
      System.Runtime.InteropServices (>= 4.3) - restriction: || (&& (< net45) (>= netstandard13) (< netstandard16) (< win8) (< wpa81)) (&& (< net45) (>= netstandard16)) (>= dnxcore50)
      System.Security.Cryptography.Algorithms (>= 4.3) - restriction: && (< net45) (>= netstandard16)
      System.Security.Cryptography.Encoding (>= 4.3) - restriction: || (&& (< net45) (>= netstandard13) (< netstandard16) (< win8) (< wpa81)) (&& (< net45) (>= netstandard16))
      System.Security.Cryptography.OpenSsl (>= 4.3) - restriction: && (< net45) (>= netstandard16)
      System.Security.Cryptography.Primitives (>= 4.3) - restriction: && (< net45) (>= netstandard16)
      System.Security.Cryptography.X509Certificates (>= 4.3) - restriction: || (&& (< net45) (>= netstandard13) (< netstandard16) (< win8) (< wpa81)) (&& (< net45) (>= netstandard16)) (>= net46) (>= dnxcore50)
      System.Text.Encoding (>= 4.3) - restriction: || (&& (< net45) (>= netstandard11) (< netstandard13) (< win8) (< wpa81)) (&& (< net45) (>= netstandard13) (< netstandard16) (< win8) (< wpa81)) (&& (< net45) (>= netstandard16)) (>= dnxcore50)
      System.Threading (>= 4.3) - restriction: || (&& (< net45) (>= netstandard13) (< netstandard16) (< win8) (< wpa81)) (&& (< net45) (>= netstandard16)) (>= dnxcore50)
      System.Threading.Tasks (>= 4.3) - restriction: || (&& (< net45) (>= netstandard11) (< netstandard13) (< win8) (< wpa81)) (&& (< net45) (>= netstandard13) (< netstandard16) (< win8) (< wpa81)) (&& (< net45) (>= netstandard16)) (>= dnxcore50)
    System.Net.Primitives (4.3) - restriction: || (&& (< net45) (>= net452)) (&& (< net45) (>= netstandard14) (< win8) (< wpa81)) (&& (< net45) (>= netstandard16)) (>= net451) (&& (>= net452) (>= dnxcore50)) (&& (< net452) (>= netstandard14)) (&& (>= dnxcore50) (>= netstandard14)) (&& (>= dnxcore50) (>= netstandard16)) (&& (< netstandard11) (>= netstandard16)) (>= netstandard13)
      Microsoft.NETCore.Platforms (>= 1.1) - restriction: || (&& (< net45) (>= netstandard11) (< netstandard13) (< win8) (< wpa81)) (&& (< net45) (>= netstandard13) (< win8) (< wpa81)) (>= dnxcore50) (&& (>= netstandard10) (< netstandard11) (< win8) (< wp8))
      Microsoft.NETCore.Targets (>= 1.1) - restriction: || (&& (< net45) (>= netstandard11) (< netstandard13) (< win8) (< wpa81)) (&& (< net45) (>= netstandard13) (< win8) (< wpa81)) (>= dnxcore50) (&& (>= netstandard10) (< netstandard11) (< win8) (< wp8))
      System.Runtime (>= 4.3) - restriction: || (&& (< net45) (>= netstandard11) (< netstandard13) (< win8) (< wpa81)) (&& (< net45) (>= netstandard13) (< win8) (< wpa81)) (>= dnxcore50) (&& (>= netstandard10) (< netstandard11) (< win8) (< wp8))
      System.Runtime.Handles (>= 4.3) - restriction: || (&& (< net45) (>= netstandard13) (< win8) (< wpa81)) (>= dnxcore50)
    System.Net.Requests (4.3) - restriction: >= netstandard16
      Microsoft.NETCore.Platforms (>= 1.1) - restriction: && (< net45) (>= netstandard13) (< win8) (< wpa81)
      System.Collections (>= 4.3) - restriction: || (&& (< net45) (>= netstandard13) (< win8) (< wpa81)) (>= dnxcore50)
      System.Diagnostics.Debug (>= 4.3) - restriction: || (&& (< net45) (>= netstandard13) (< win8) (< wpa81)) (>= dnxcore50)
      System.Diagnostics.Tracing (>= 4.3) - restriction: || (&& (< net45) (>= netstandard13) (< win8) (< wpa81)) (>= dnxcore50)
      System.Globalization (>= 4.3) - restriction: || (&& (< net45) (>= netstandard13) (< win8) (< wpa81)) (>= dnxcore50)
      System.IO (>= 4.3) - restriction: || (&& (< net45) (>= netstandard11) (< netstandard13) (< win8) (< wpa81)) (&& (< net45) (>= netstandard13) (< win8) (< wpa81)) (>= dnxcore50) (&& (>= netstandard10) (< netstandard11) (< win8) (< wp8))
      System.Net.Http (>= 4.3) - restriction: || (&& (< net45) (>= netstandard13) (< win8) (< wpa81)) (>= dnxcore50)
      System.Net.Primitives (>= 4.3) - restriction: || (&& (< net45) (>= netstandard11) (< netstandard13) (< win8) (< wpa81)) (&& (< net45) (>= netstandard13) (< win8) (< wpa81)) (>= dnxcore50) (&& (>= netstandard10) (< netstandard11) (< win8) (< wp8))
      System.Net.WebHeaderCollection (>= 4.3) - restriction: || (&& (< net45) (>= netstandard13) (< win8) (< wpa81)) (>= dnxcore50)
      System.Resources.ResourceManager (>= 4.3) - restriction: || (&& (< net45) (>= netstandard13) (< win8) (< wpa81)) (>= dnxcore50)
      System.Runtime (>= 4.3) - restriction: || (&& (< net45) (>= netstandard11) (< netstandard13) (< win8) (< wpa81)) (&& (< net45) (>= netstandard13) (< win8) (< wpa81)) (>= dnxcore50) (&& (>= netstandard10) (< netstandard11) (< win8) (< wp8))
      System.Threading (>= 4.3) - restriction: || (&& (< net45) (>= netstandard13) (< win8) (< wpa81)) (>= dnxcore50)
      System.Threading.Tasks (>= 4.3) - restriction: || (&& (< net45) (>= netstandard11) (< netstandard13) (< win8) (< wpa81)) (&& (< net45) (>= netstandard13) (< win8) (< wpa81)) (>= dnxcore50)
    System.Net.Sockets (4.3) - restriction: || (&& (< net452) (>= netstandard14)) (>= netstandard13)
      Microsoft.NETCore.Platforms (>= 1.1) - restriction: && (< net46) (>= netstandard13)
      Microsoft.NETCore.Targets (>= 1.1) - restriction: && (< net46) (>= netstandard13)
      System.IO (>= 4.3) - restriction: && (< net46) (>= netstandard13)
      System.Net.Primitives (>= 4.3) - restriction: && (< net46) (>= netstandard13)
      System.Runtime (>= 4.3) - restriction: && (< net46) (>= netstandard13)
      System.Threading.Tasks (>= 4.3) - restriction: && (< net46) (>= netstandard13)
    System.Net.WebHeaderCollection (4.3) - restriction: || (&& (< net45) (>= netstandard16)) (&& (>= dnxcore50) (>= netstandard16))
      System.Collections (>= 4.3) - restriction: && (< net46) (>= netstandard13)
      System.Resources.ResourceManager (>= 4.3) - restriction: && (< net46) (>= netstandard13)
      System.Runtime (>= 4.3) - restriction: && (< net46) (>= netstandard13)
      System.Runtime.Extensions (>= 4.3) - restriction: && (< net46) (>= netstandard13)
    System.Net.WebSockets (4.3) - restriction: && (< net451) (>= netstandard13)
      Microsoft.Win32.Primitives (>= 4.3) - restriction: && (< net46) (>= netstandard13)
      System.Resources.ResourceManager (>= 4.3) - restriction: && (< net46) (>= netstandard13)
      System.Runtime (>= 4.3) - restriction: && (< net46) (>= netstandard13)
      System.Threading.Tasks (>= 4.3) - restriction: && (< net46) (>= netstandard13)
    System.Numerics.Vectors (4.3) - restriction: || (>= net451) (>= netstandard13)
      System.Globalization (>= 4.3) - restriction: && (< net45) (>= netstandard10) (< win8) (< wp8) (< wpa81)
      System.Resources.ResourceManager (>= 4.3) - restriction: && (< net45) (>= netstandard10) (< win8) (< wp8) (< wpa81)
      System.Runtime (>= 4.3) - restriction: && (< net45) (>= netstandard10) (< win8) (< wp8) (< wpa81)
      System.Runtime.Extensions (>= 4.3) - restriction: && (< net45) (>= netstandard10) (< win8) (< wp8) (< wpa81)
    System.ObjectModel (4.3) - restriction: || (&& (< net20) (>= net452)) (&& (< net20) (>= net46)) (&& (< net20) (>= netstandard14) (< win8) (< wpa81)) (&& (< net20) (>= netstandard16)) (&& (< net45) (>= netstandard16)) (>= net451) (&& (>= net452) (>= dnxcore50)) (&& (< net452) (>= netstandard14)) (&& (>= net46) (>= dnxcore50)) (&& (>= dnxcore50) (>= netstandard14)) (&& (>= dnxcore50) (>= netstandard16)) (>= netstandard13)
      System.Collections (>= 4.3) - restriction: || (&& (< net45) (>= netstandard13) (< win8) (< wpa81)) (>= dnxcore50)
      System.Diagnostics.Debug (>= 4.3) - restriction: || (&& (< net45) (>= netstandard13) (< win8) (< wpa81)) (>= dnxcore50)
      System.Resources.ResourceManager (>= 4.3) - restriction: || (&& (< net45) (>= netstandard13) (< win8) (< wpa81)) (>= dnxcore50)
      System.Runtime (>= 4.3) - restriction: || (&& (< net45) (>= netstandard10) (< netstandard13) (< win8) (< wp8) (< wpa81)) (&& (< net45) (>= netstandard13) (< win8) (< wpa81)) (>= dnxcore50)
      System.Threading (>= 4.3) - restriction: || (&& (< net45) (>= netstandard13) (< win8) (< wpa81)) (>= dnxcore50)
    System.Reflection (4.3) - restriction: || (&& (< net20) (>= net46)) (&& (< net20) (>= netstandard14)) (&& (< net20) (>= netstandard16)) (&& (< net45) (>= net452)) (&& (< net45) (>= net46)) (&& (< net45) (< netstandard12) (>= netstandard14) (< win8)) (&& (< net45) (>= netstandard14) (< win8) (< wpa81)) (&& (< net45) (>= netstandard15)) (&& (< net45) (>= netstandard16)) (>= net451) (&& (>= net452) (>= dnxcore50)) (&& (< net452) (>= netstandard14)) (&& (>= net46) (>= dnxcore50)) (&& (>= dnxcore50) (>= netstandard14)) (&& (>= dnxcore50) (>= netstandard16)) (>= netstandard13)
      Microsoft.NETCore.Platforms (>= 1.1) - restriction: || (&& (< net45) (>= netstandard10) (< netstandard13) (< win8) (< wp8) (< wpa81)) (&& (< net45) (>= netstandard13) (< netstandard15) (< win8) (< wpa81)) (&& (< net45) (>= netstandard15)) (>= dnxcore50)
      Microsoft.NETCore.Targets (>= 1.1) - restriction: || (&& (< net45) (>= netstandard10) (< netstandard13) (< win8) (< wp8) (< wpa81)) (&& (< net45) (>= netstandard13) (< netstandard15) (< win8) (< wpa81)) (&& (< net45) (>= netstandard15)) (>= dnxcore50)
      System.IO (>= 4.3) - restriction: || (&& (< net45) (>= netstandard10) (< netstandard13) (< win8) (< wp8) (< wpa81)) (&& (< net45) (>= netstandard13) (< netstandard15) (< win8) (< wpa81)) (&& (< net45) (>= netstandard15)) (>= dnxcore50)
      System.Reflection.Primitives (>= 4.3) - restriction: || (&& (< net45) (>= netstandard10) (< netstandard13) (< win8) (< wp8) (< wpa81)) (&& (< net45) (>= netstandard13) (< netstandard15) (< win8) (< wpa81)) (&& (< net45) (>= netstandard15)) (>= dnxcore50)
      System.Runtime (>= 4.3) - restriction: || (&& (< net45) (>= netstandard10) (< netstandard13) (< win8) (< wp8) (< wpa81)) (&& (< net45) (>= netstandard13) (< netstandard15) (< win8) (< wpa81)) (&& (< net45) (>= netstandard15)) (>= dnxcore50)
    System.Reflection.Emit (4.3) - restriction: || (&& (< net20) (>= net452) (>= netstandard13)) (&& (< net20) (>= net46)) (&& (< net20) (>= netstandard14) (< win8) (< wpa81)) (&& (< net20) (>= netstandard16)) (&& (< net45) (>= net46)) (&& (< net45) (>= netstandard16)) (&& (>= net452) (>= dnxcore50) (>= netstandard13)) (&& (>= net46) (>= dnxcore50)) (&& (>= dnxcore50) (>= netstandard14)) (&& (>= dnxcore50) (>= netstandard16))
      System.IO (>= 4.3) - restriction: && (< net45) (>= netstandard11)
      System.Reflection (>= 4.3) - restriction: && (< net45) (>= netstandard11)
      System.Reflection.Emit.ILGeneration (>= 4.3) - restriction: && (< net45) (>= netstandard11)
      System.Reflection.Primitives (>= 4.3) - restriction: && (< net45) (>= netstandard11)
      System.Runtime (>= 4.3) - restriction: && (< net45) (>= netstandard11)
    System.Reflection.Emit.ILGeneration (4.3) - restriction: || (&& (< net20) (>= net452) (>= netstandard13)) (&& (< net20) (>= net46)) (&& (< net20) (>= netstandard14) (< win8) (< wpa81)) (&& (< net20) (>= netstandard16)) (&& (< net45) (>= net46)) (&& (< net45) (>= netstandard16)) (&& (>= net452) (>= dnxcore50) (>= netstandard13)) (&& (>= net46) (>= dnxcore50)) (&& (>= dnxcore50) (>= netstandard14)) (&& (>= dnxcore50) (>= netstandard16))
      System.Reflection (>= 4.3) - restriction: && (< net45) (>= netstandard10) (< wp8)
      System.Reflection.Primitives (>= 4.3) - restriction: && (< net45) (>= netstandard10) (< wp8)
      System.Runtime (>= 4.3) - restriction: && (< net45) (>= netstandard10) (< wp8)
    System.Reflection.Emit.Lightweight (4.3) - restriction: || (&& (< net45) (>= netstandard16)) (&& (>= dnxcore50) (>= netstandard16))
      System.Reflection (>= 4.3) - restriction: && (< net45) (>= netstandard10) (< wp8)
      System.Reflection.Emit.ILGeneration (>= 4.3) - restriction: && (< net45) (>= netstandard10) (< wp8)
      System.Reflection.Primitives (>= 4.3) - restriction: && (< net45) (>= netstandard10) (< wp8)
      System.Runtime (>= 4.3) - restriction: && (< net45) (>= netstandard10) (< wp8)
    System.Reflection.Extensions (4.3) - restriction: || (&& (< net20) (>= net46)) (&& (< net20) (>= netstandard14) (< win8) (< wpa81)) (&& (< net20) (>= netstandard16)) (&& (< net45) (>= net452) (< netstandard15)) (&& (< net45) (>= net46)) (&& (< net45) (>= netstandard14) (< win8) (< wpa81)) (&& (< net45) (>= netstandard15)) (&& (< net45) (>= netstandard16)) (>= net451) (&& (>= net452) (>= dnxcore50)) (&& (< net452) (>= netstandard14)) (&& (>= net46) (>= dnxcore50)) (&& (>= dnxcore50) (>= netstandard14)) (&& (>= dnxcore50) (>= netstandard16)) (>= netstandard13)
      Microsoft.NETCore.Platforms (>= 1.1) - restriction: || (&& (< net45) (>= netstandard10) (< win8) (< wp8) (< wpa81)) (>= dnxcore50)
      Microsoft.NETCore.Targets (>= 1.1) - restriction: || (&& (< net45) (>= netstandard10) (< win8) (< wp8) (< wpa81)) (>= dnxcore50)
      System.Reflection (>= 4.3) - restriction: || (&& (< net45) (>= netstandard10) (< win8) (< wp8) (< wpa81)) (>= dnxcore50)
      System.Runtime (>= 4.3) - restriction: || (&& (< net45) (>= netstandard10) (< win8) (< wp8) (< wpa81)) (>= dnxcore50)
    System.Reflection.Metadata (1.4.2) - restriction: || (>= net451) (&& (>= net46) (>= dnxcore50)) (&& (< net46) (>= netstandard16)) (&& (>= dnxcore50) (>= netstandard16)) (>= netstandard13)
      System.Collections (>= 4.3) - restriction: && (< net45) (>= netstandard11) (< win8) (< wpa81)
      System.Collections.Immutable (>= 1.3.1) - restriction: || (>= net45) (&& (>= netstandard11) (< win8)) (&& (< netstandard11) (>= win8)) (>= monoandroid) (>= monotouch) (>= xamarinios) (>= xamarinmac) (>= wpa81)
      System.Diagnostics.Debug (>= 4.3) - restriction: && (< net45) (>= netstandard11) (< win8) (< wpa81)
      System.IO (>= 4.3) - restriction: && (< net45) (>= netstandard11) (< win8) (< wpa81)
      System.IO.Compression (>= 4.3) - restriction: && (< net45) (>= netstandard11) (< win8) (< wpa81)
      System.Linq (>= 4.3) - restriction: && (< net45) (>= netstandard11) (< win8) (< wpa81)
      System.Reflection (>= 4.3) - restriction: && (< net45) (>= netstandard11) (< win8) (< wpa81)
      System.Reflection.Extensions (>= 4.3) - restriction: && (< net45) (>= netstandard11) (< win8) (< wpa81)
      System.Reflection.Primitives (>= 4.3) - restriction: && (< net45) (>= netstandard11) (< win8) (< wpa81)
      System.Resources.ResourceManager (>= 4.3) - restriction: && (< net45) (>= netstandard11) (< win8) (< wpa81)
      System.Runtime (>= 4.3) - restriction: && (< net45) (>= netstandard11) (< win8) (< wpa81)
      System.Runtime.Extensions (>= 4.3) - restriction: && (< net45) (>= netstandard11) (< win8) (< wpa81)
      System.Runtime.InteropServices (>= 4.3) - restriction: && (< net45) (>= netstandard11) (< win8) (< wpa81)
      System.Text.Encoding (>= 4.3) - restriction: && (< net45) (>= netstandard11) (< win8) (< wpa81)
      System.Text.Encoding.Extensions (>= 4.3) - restriction: && (< net45) (>= netstandard11) (< win8) (< wpa81)
      System.Threading (>= 4.3) - restriction: && (< net45) (>= netstandard11) (< win8) (< wpa81)
    System.Reflection.Primitives (4.3) - restriction: || (&& (< net20) (>= net46)) (&& (< net20) (>= netstandard14) (< win8) (< wpa81)) (&& (< net20) (>= netstandard16)) (&& (< net45) (>= net452) (< netstandard15)) (&& (< net45) (>= net46)) (&& (< net45) (< netstandard12) (>= netstandard14) (< win8)) (&& (< net45) (>= netstandard14) (< win8) (< wpa81)) (&& (< net45) (>= netstandard15)) (&& (< net45) (>= netstandard16)) (>= net451) (&& (>= net452) (>= dnxcore50)) (&& (< net452) (>= netstandard14)) (&& (>= net46) (>= dnxcore50)) (&& (>= dnxcore50) (>= netstandard14)) (&& (>= dnxcore50) (>= netstandard16)) (>= netstandard13)
      Microsoft.NETCore.Platforms (>= 1.1) - restriction: || (&& (< net45) (>= netstandard10) (< win8) (< wp8) (< wpa81)) (>= dnxcore50)
      Microsoft.NETCore.Targets (>= 1.1) - restriction: || (&& (< net45) (>= netstandard10) (< win8) (< wp8) (< wpa81)) (>= dnxcore50)
      System.Runtime (>= 4.3) - restriction: || (&& (< net45) (>= netstandard10) (< win8) (< wp8) (< wpa81)) (>= dnxcore50)
    System.Reflection.TypeExtensions (4.3) - restriction: || (&& (< net20) (>= net452) (>= netstandard13)) (&& (< net20) (>= net46)) (&& (< net20) (>= netstandard14) (< win8) (< wpa81)) (&& (< net20) (>= netstandard16)) (&& (< net45) (>= net46)) (&& (< net45) (>= netstandard15)) (&& (< net45) (>= netstandard16)) (&& (< net451) (>= netstandard13)) (&& (< net451) (>= netstandard14)) (&& (>= net452) (>= dnxcore50)) (&& (>= net46) (>= dnxcore50)) (&& (>= dnxcore50) (>= netstandard14)) (&& (>= dnxcore50) (>= netstandard16))
      System.Reflection (>= 4.3) - restriction: || (&& (< net46) (>= netstandard13) (< netstandard15)) (&& (< net46) (>= netstandard15)) (>= net462) (>= dnxcore50)
      System.Runtime (>= 4.3) - restriction: || (&& (< net46) (>= netstandard13) (< netstandard15)) (&& (< net46) (>= netstandard15)) (>= dnxcore50)
    System.Resources.Reader (4.3) - restriction: || (&& (< net451) (>= net46)) (&& (< net451) (>= netstandard16))
      System.IO (>= 4.3) - restriction: && (< net45) (>= netstandard10) (< win8) (< wp8) (< wpa81)
      System.Resources.ResourceManager (>= 4.3) - restriction: && (< net45) (>= netstandard10) (< win8) (< wp8) (< wpa81)
      System.Runtime (>= 4.3) - restriction: && (< net45) (>= netstandard10) (< win8) (< wp8) (< wpa81)
      System.Text.Encoding (>= 4.3) - restriction: && (< net45) (>= netstandard10) (< win8) (< wp8) (< wpa81)
      System.Threading (>= 4.3) - restriction: && (< net45) (>= netstandard10) (< win8) (< wp8) (< wpa81)
    System.Resources.ResourceManager (4.3) - restriction: || (&& (< net20) (>= net46)) (&& (< net20) (>= netstandard14) (< win8) (< wpa81)) (&& (< net20) (>= netstandard16)) (&& (< net45) (>= net452)) (&& (< net45) (>= net46)) (&& (< net45) (>= netstandard14) (< win8) (< wpa81)) (&& (< net45) (>= netstandard15)) (&& (< net45) (>= netstandard16)) (>= net451) (&& (>= net452) (>= dnxcore50)) (&& (< net452) (>= netstandard14)) (&& (< net452) (>= netstandard16)) (&& (>= net46) (>= dnxcore50)) (&& (>= dnxcore50) (>= netstandard14)) (&& (>= dnxcore50) (>= netstandard16)) (>= netstandard13)
      Microsoft.NETCore.Platforms (>= 1.1) - restriction: || (&& (< net45) (>= netstandard10) (< win8) (< wp8) (< wpa81)) (>= dnxcore50)
      Microsoft.NETCore.Targets (>= 1.1) - restriction: || (&& (< net45) (>= netstandard10) (< win8) (< wp8) (< wpa81)) (>= dnxcore50)
      System.Globalization (>= 4.3) - restriction: || (&& (< net45) (>= netstandard10) (< win8) (< wp8) (< wpa81)) (>= dnxcore50)
      System.Reflection (>= 4.3) - restriction: || (&& (< net45) (>= netstandard10) (< win8) (< wp8) (< wpa81)) (>= dnxcore50)
      System.Runtime (>= 4.3) - restriction: || (&& (< net45) (>= netstandard10) (< win8) (< wp8) (< wpa81)) (>= dnxcore50)
    System.Runtime (4.3) - restriction: || (&& (< net20) (>= net452)) (&& (< net20) (>= net46)) (&& (< net20) (>= netstandard14) (< win8) (< wpa81)) (&& (< net20) (>= netstandard16)) (&& (< net45) (>= net452)) (&& (< net45) (>= net46)) (&& (< net45) (< netstandard12) (>= netstandard14) (< win8)) (&& (< net45) (>= netstandard14) (< win8) (< wpa81)) (&& (< net45) (>= netstandard15)) (&& (< net45) (>= netstandard16)) (>= net451) (&& (>= net452) (>= dnxcore50)) (&& (< net452) (>= net463)) (&& (< net452) (>= netstandard14)) (&& (< net452) (>= netstandard16)) (&& (>= net46) (>= dnxcore50)) (&& (>= dnxcore50) (>= netstandard14)) (&& (>= dnxcore50) (>= netstandard16)) (&& (< netstandard11) (>= netstandard14) (< win8)) (&& (< netstandard11) (>= netstandard16)) (>= netstandard13) (&& (>= netstandard14) (< win81) (< wpa81))
      Microsoft.NETCore.Platforms (>= 1.1) - restriction: || (&& (< net45) (>= netstandard10) (< netstandard12) (< win8) (< wp8)) (&& (< net45) (>= netstandard12) (< netstandard13) (< win8) (< wpa81)) (&& (< net45) (>= netstandard13) (< netstandard15) (< win8) (< wpa81)) (&& (< net45) (>= netstandard15)) (>= dnxcore50)
      Microsoft.NETCore.Targets (>= 1.1) - restriction: || (&& (< net45) (>= netstandard10) (< netstandard12) (< win8) (< wp8)) (&& (< net45) (>= netstandard12) (< netstandard13) (< win8) (< wpa81)) (&& (< net45) (>= netstandard13) (< netstandard15) (< win8) (< wpa81)) (&& (< net45) (>= netstandard15)) (>= dnxcore50)
    System.Runtime.CompilerServices.Unsafe (4.3) - restriction: || (>= net451) (>= netstandard13)
      System.Runtime (>= 4.3) - restriction: && (< net45) (>= netstandard10) (< win8) (< wp8) (< wpa81)
    System.Runtime.Extensions (4.3) - restriction: || (&& (< net20) (>= net46)) (&& (< net20) (>= netstandard14) (< win8) (< wpa81)) (&& (< net20) (>= netstandard16)) (&& (< net45) (>= net452)) (&& (< net45) (>= net46)) (&& (< net45) (>= netstandard14) (< win8) (< wpa81)) (&& (< net45) (>= netstandard15)) (&& (< net45) (>= netstandard16)) (>= net451) (&& (>= net452) (>= dnxcore50)) (&& (< net452) (>= netstandard14)) (&& (< net452) (>= netstandard16)) (&& (>= net46) (>= dnxcore50)) (&& (>= dnxcore50) (>= netstandard14)) (&& (>= dnxcore50) (>= netstandard16)) (>= netstandard13)
      Microsoft.NETCore.Platforms (>= 1.1) - restriction: || (&& (< net45) (>= netstandard10) (< netstandard13) (< win8) (< wp8) (< wpa81)) (&& (< net45) (>= netstandard13) (< netstandard15) (< win8) (< wpa81)) (&& (< net45) (>= netstandard15)) (>= dnxcore50)
      Microsoft.NETCore.Targets (>= 1.1) - restriction: || (&& (< net45) (>= netstandard10) (< netstandard13) (< win8) (< wp8) (< wpa81)) (&& (< net45) (>= netstandard13) (< netstandard15) (< win8) (< wpa81)) (&& (< net45) (>= netstandard15)) (>= dnxcore50)
      System.Runtime (>= 4.3) - restriction: || (&& (< net45) (>= netstandard10) (< netstandard13) (< win8) (< wp8) (< wpa81)) (&& (< net45) (>= netstandard13) (< netstandard15) (< win8) (< wpa81)) (&& (< net45) (>= netstandard15)) (>= dnxcore50)
    System.Runtime.Handles (4.3) - restriction: || (&& (< net45) (>= netstandard14) (< win8) (< wpa81)) (&& (< net45) (>= netstandard15)) (&& (< net45) (>= netstandard16)) (&& (>= net451) (>= dnxcore50)) (&& (< net452) (>= netstandard14)) (&& (< net452) (>= netstandard16)) (&& (< net46) (>= netstandard14) (< netstandard16)) (&& (< net46) (>= netstandard16)) (&& (>= dnxcore50) (>= netstandard14)) (>= netstandard13)
      Microsoft.NETCore.Platforms (>= 1.1) - restriction: && (< net46) (>= netstandard13)
      Microsoft.NETCore.Targets (>= 1.1) - restriction: && (< net46) (>= netstandard13)
      System.Runtime (>= 4.3) - restriction: && (< net46) (>= netstandard13)
    System.Runtime.InteropServices (4.3) - restriction: || (&& (< net20) (>= net46)) (&& (< net20) (>= netstandard14) (< win8) (< wpa81)) (&& (< net20) (>= netstandard16)) (&& (< net45) (>= netstandard14) (< win8) (< wpa81)) (&& (< net45) (>= netstandard16)) (>= net451) (&& (>= net452) (>= dnxcore50)) (&& (< net452) (>= netstandard14)) (&& (< net452) (>= netstandard16)) (&& (>= net46) (>= dnxcore50)) (&& (>= dnxcore50) (>= netstandard14)) (&& (>= dnxcore50) (>= netstandard16)) (>= netstandard13)
      Microsoft.NETCore.Platforms (>= 1.1) - restriction: || (&& (< net45) (>= netstandard11) (< netstandard12) (< win8)) (&& (< net45) (>= netstandard12) (< netstandard13) (< win8) (< wpa81)) (&& (< net45) (>= netstandard13) (< netstandard15) (< win8) (< wpa81)) (&& (< net45) (>= netstandard15)) (>= dnxcore50) (>= netcore11)
      Microsoft.NETCore.Targets (>= 1.1) - restriction: || (&& (< net45) (>= netstandard11) (< netstandard12) (< win8)) (&& (< net45) (>= netstandard12) (< netstandard13) (< win8) (< wpa81)) (&& (< net45) (>= netstandard13) (< netstandard15) (< win8) (< wpa81)) (&& (< net45) (>= netstandard15)) (>= dnxcore50) (>= netcore11)
      System.Reflection (>= 4.3) - restriction: || (&& (< net45) (>= netstandard11) (< netstandard12) (< win8)) (&& (< net45) (>= netstandard12) (< netstandard13) (< win8) (< wpa81)) (&& (< net45) (>= netstandard13) (< netstandard15) (< win8) (< wpa81)) (&& (< net45) (>= netstandard15)) (>= dnxcore50) (>= netcore11)
      System.Reflection.Primitives (>= 4.3) - restriction: || (&& (< net45) (>= netstandard11) (< netstandard12) (< win8)) (&& (< net45) (>= netstandard12) (< netstandard13) (< win8) (< wpa81)) (&& (< net45) (>= netstandard13) (< netstandard15) (< win8) (< wpa81)) (&& (< net45) (>= netstandard15)) (>= dnxcore50) (>= netcore11)
      System.Runtime (>= 4.3) - restriction: || (&& (< net45) (>= netstandard11) (< netstandard12) (< win8)) (&& (< net45) (>= netstandard12) (< netstandard13) (< win8) (< wpa81)) (&& (< net45) (>= netstandard13) (< netstandard15) (< win8) (< wpa81)) (&& (< net45) (>= netstandard15)) (>= net462) (>= dnxcore50) (>= netcore11)
      System.Runtime.Handles (>= 4.3) - restriction: || (&& (< net45) (>= netstandard13) (< netstandard15) (< win8) (< wpa81)) (&& (< net45) (>= netstandard15)) (>= dnxcore50) (>= netcore11)
    System.Runtime.InteropServices.RuntimeInformation (4.3) - restriction: || (>= net451) (&& (< net452) (>= netstandard14)) (>= netstandard13)
      runtime.native.System (>= 4.3) - restriction: && (< net45) (>= netstandard11) (< win8) (< wpa81)
      System.Reflection (>= 4.3) - restriction: || (&& (< net45) (>= netstandard11) (< win8) (< wpa81)) (>= dnxcore50)
      System.Reflection.Extensions (>= 4.3) - restriction: || (&& (< net45) (>= netstandard11) (< win8) (< wpa81)) (>= dnxcore50)
      System.Resources.ResourceManager (>= 4.3) - restriction: || (&& (< net45) (>= netstandard11) (< win8) (< wpa81)) (>= dnxcore50)
      System.Runtime (>= 4.3) - restriction: || (&& (< net45) (>= netstandard11) (< win8) (< wpa81)) (>= dnxcore50)
      System.Runtime.InteropServices (>= 4.3) - restriction: && (< net45) (>= netstandard11) (< win8) (< wpa81)
      System.Threading (>= 4.3) - restriction: || (&& (< net45) (>= netstandard11) (< win8) (< wpa81)) (>= dnxcore50)
    System.Runtime.Loader (4.3) - restriction: || (&& (< net451) (>= netstandard15)) (&& (< net451) (>= netstandard16))
      System.IO (>= 4.3) - restriction: && (< net462) (>= netstandard15)
      System.Reflection (>= 4.3) - restriction: && (< net462) (>= netstandard15)
      System.Runtime (>= 4.3) - restriction: && (< net462) (>= netstandard15)
    System.Runtime.Numerics (4.3) - restriction: || (&& (< net45) (>= netstandard16)) (>= net451) (&& (< net452) (>= netstandard14)) (&& (< net452) (>= netstandard16)) (&& (>= dnxcore50) (>= netstandard14)) (>= netstandard13)
      System.Globalization (>= 4.3) - restriction: || (&& (< net45) (>= netstandard13) (< win8) (< wpa81)) (>= dnxcore50)
      System.Resources.ResourceManager (>= 4.3) - restriction: || (&& (< net45) (>= netstandard13) (< win8) (< wpa81)) (>= dnxcore50)
      System.Runtime (>= 4.3) - restriction: || (&& (< net45) (>= netstandard11) (< netstandard13) (< win8) (< wpa81)) (&& (< net45) (>= netstandard13) (< win8) (< wpa81)) (>= dnxcore50)
      System.Runtime.Extensions (>= 4.3) - restriction: || (&& (< net45) (>= netstandard13) (< win8) (< wpa81)) (>= dnxcore50)
    System.Runtime.Serialization.Formatters (4.3) - restriction: || (&& (< net20) (>= net452) (>= netstandard13)) (&& (< net20) (>= net46)) (&& (< net20) (>= netstandard14)) (&& (< net20) (>= netstandard16))
      System.Collections (>= 4.3) - restriction: && (< net46) (>= netstandard14)
      System.Reflection (>= 4.3) - restriction: && (< net46) (>= netstandard14)
      System.Resources.ResourceManager (>= 4.3) - restriction: && (< net46) (>= netstandard14)
      System.Runtime (>= 4.3) - restriction: || (&& (< net46) (>= netstandard13) (< netstandard14)) (&& (< net46) (>= netstandard14))
      System.Runtime.Serialization.Primitives (>= 4.3) - restriction: >= netstandard13
    System.Runtime.Serialization.Primitives (4.3) - restriction: || (&& (< net20) (>= net452) (>= netstandard13)) (&& (< net20) (>= net452) (< netstandard13)) (&& (< net20) (>= net46)) (&& (< net20) (>= netstandard14)) (&& (< net20) (>= netstandard16))
      System.Resources.ResourceManager (>= 4.3) - restriction: || (&& (< net45) (>= netstandard13) (< win8) (< wpa81)) (>= dnxcore50)
      System.Runtime (>= 4.3) - restriction: || (&& (< net45) (>= netstandard10) (< netstandard13) (< win8) (< wp8) (< wpa81)) (&& (< net45) (>= netstandard13) (< win8) (< wpa81)) (>= dnxcore50)
    System.Security.Claims (4.3) - restriction: || (&& (< net451) (>= net46)) (&& (< net451) (>= netstandard13)) (&& (< net451) (>= netstandard14)) (&& (< net451) (>= netstandard16)) (&& (< net452) (>= netstandard14))
      System.Collections (>= 4.3) - restriction: && (< net46) (>= netstandard13)
      System.Globalization (>= 4.3) - restriction: && (< net46) (>= netstandard13)
      System.IO (>= 4.3) - restriction: && (< net46) (>= netstandard13)
      System.Resources.ResourceManager (>= 4.3) - restriction: && (< net46) (>= netstandard13)
      System.Runtime (>= 4.3) - restriction: && (< net46) (>= netstandard13)
      System.Runtime.Extensions (>= 4.3) - restriction: && (< net46) (>= netstandard13)
      System.Security.Principal (>= 4.3) - restriction: && (< net46) (>= netstandard13)
    System.Security.Cryptography.Algorithms (4.3) - restriction: || (&& (< net45) (>= netstandard16)) (&& (< net451) (>= netstandard14)) (&& (< net452) (>= netstandard14)) (>= netstandard13)
      Microsoft.NETCore.Platforms (>= 1.1) - restriction: || (&& (< net46) (>= netstandard16)) (>= dnxcore50)
      runtime.native.System.Security.Cryptography.Apple (>= 4.3) - restriction: && (< net46) (>= netstandard16)
      runtime.native.System.Security.Cryptography.OpenSsl (>= 4.3) - restriction: && (< net46) (>= netstandard16)
      System.Collections (>= 4.3) - restriction: && (< net46) (>= netstandard16)
      System.IO (>= 4.3) - restriction: || (&& (< net46) (>= netstandard13) (< netstandard14)) (&& (< net46) (>= netstandard14) (< netstandard16)) (&& (< net46) (>= netstandard16)) (>= net463) (>= dnxcore50)
      System.Resources.ResourceManager (>= 4.3) - restriction: || (&& (< net46) (>= netstandard16)) (>= dnxcore50)
      System.Runtime (>= 4.3) - restriction: || (&& (< net46) (>= netstandard13) (< netstandard14)) (&& (< net46) (>= netstandard14) (< netstandard16)) (&& (< net46) (>= netstandard16)) (>= net463) (>= dnxcore50)
      System.Runtime.Extensions (>= 4.3) - restriction: || (&& (< net46) (>= netstandard16)) (>= dnxcore50)
      System.Runtime.Handles (>= 4.3) - restriction: || (&& (< net46) (>= netstandard16)) (>= dnxcore50)
      System.Runtime.InteropServices (>= 4.3) - restriction: || (&& (< net46) (>= netstandard16)) (>= dnxcore50)
      System.Runtime.Numerics (>= 4.3) - restriction: && (< net46) (>= netstandard16)
      System.Security.Cryptography.Encoding (>= 4.3) - restriction: || (&& (< net46) (>= netstandard16)) (>= net463) (>= dnxcore50)
      System.Security.Cryptography.Primitives (>= 4.3) - restriction: || (&& (>= net46) (< netstandard14)) (&& (< net46) (>= netstandard13) (< netstandard14)) (&& (< net46) (>= netstandard14) (< netstandard16)) (&& (< net46) (>= netstandard16)) (>= net461) (>= dnxcore50)
      System.Text.Encoding (>= 4.3) - restriction: || (&& (< net46) (>= netstandard16)) (>= dnxcore50)
    System.Security.Cryptography.Cng (4.3) - restriction: || (&& (< net452) (>= netstandard16)) (&& (>= dnxcore50) (>= netstandard14))
      Microsoft.NETCore.Platforms (>= 1.1) - restriction: || (&& (< net46) (>= netstandard14) (< netstandard16)) (&& (< net46) (>= netstandard16))
      System.IO (>= 4.3) - restriction: || (&& (< net46) (>= netstandard13) (< netstandard14)) (&& (< net46) (>= netstandard14) (< netstandard16)) (&& (< net46) (>= netstandard16))
      System.Resources.ResourceManager (>= 4.3) - restriction: || (&& (< net46) (>= netstandard14) (< netstandard16)) (&& (< net46) (>= netstandard16))
      System.Runtime (>= 4.3) - restriction: || (&& (< net46) (>= netstandard13) (< netstandard14)) (&& (< net46) (>= netstandard14) (< netstandard16)) (&& (< net46) (>= netstandard16))
      System.Runtime.Extensions (>= 4.3) - restriction: || (&& (< net46) (>= netstandard14) (< netstandard16)) (&& (< net46) (>= netstandard16))
      System.Runtime.Handles (>= 4.3) - restriction: || (&& (< net46) (>= netstandard13) (< netstandard14)) (&& (< net46) (>= netstandard14) (< netstandard16)) (&& (< net46) (>= netstandard16))
      System.Runtime.InteropServices (>= 4.3) - restriction: || (&& (< net46) (>= netstandard14) (< netstandard16)) (&& (< net46) (>= netstandard16))
      System.Security.Cryptography.Algorithms (>= 4.3) - restriction: || (&& (>= net46) (< netstandard14)) (&& (< net46) (>= netstandard13) (< netstandard14)) (&& (< net46) (>= netstandard14) (< netstandard16)) (&& (< net46) (>= netstandard16)) (>= net461)
      System.Security.Cryptography.Encoding (>= 4.3) - restriction: || (&& (< net46) (>= netstandard14) (< netstandard16)) (&& (< net46) (>= netstandard16))
      System.Security.Cryptography.Primitives (>= 4.3) - restriction: || (&& (>= net46) (< netstandard14)) (&& (< net46) (>= netstandard13) (< netstandard14)) (&& (< net46) (>= netstandard14) (< netstandard16)) (&& (< net46) (>= netstandard16)) (>= net461)
      System.Text.Encoding (>= 4.3) - restriction: || (&& (< net46) (>= netstandard14) (< netstandard16)) (&& (< net46) (>= netstandard16))
    System.Security.Cryptography.Csp (4.3) - restriction: && (< net452) (>= netstandard16)
      Microsoft.NETCore.Platforms (>= 1.1) - restriction: && (< net46) (>= netstandard13)
      System.IO (>= 4.3) - restriction: && (< net46) (>= netstandard13)
      System.Reflection (>= 4.3) - restriction: && (< net46) (>= netstandard13)
      System.Resources.ResourceManager (>= 4.3) - restriction: && (< net46) (>= netstandard13)
      System.Runtime (>= 4.3) - restriction: && (< net46) (>= netstandard13)
      System.Runtime.Extensions (>= 4.3) - restriction: && (< net46) (>= netstandard13)
      System.Runtime.Handles (>= 4.3) - restriction: && (< net46) (>= netstandard13)
      System.Runtime.InteropServices (>= 4.3) - restriction: && (< net46) (>= netstandard13)
      System.Security.Cryptography.Algorithms (>= 4.3) - restriction: >= netstandard13
      System.Security.Cryptography.Encoding (>= 4.3) - restriction: && (< net46) (>= netstandard13)
      System.Security.Cryptography.Primitives (>= 4.3) - restriction: >= netstandard13
      System.Text.Encoding (>= 4.3) - restriction: && (< net46) (>= netstandard13)
      System.Threading (>= 4.3) - restriction: && (< net46) (>= netstandard13)
    System.Security.Cryptography.Encoding (4.3) - restriction: || (&& (< net45) (>= netstandard14) (< win8) (< wpa81)) (&& (< net45) (>= netstandard16)) (&& (< net452) (>= net461)) (&& (< net452) (>= net463)) (&& (< net452) (>= netstandard14)) (&& (< net452) (>= netstandard16)) (&& (>= dnxcore50) (>= netstandard14)) (>= netstandard13)
      Microsoft.NETCore.Platforms (>= 1.1) - restriction: && (< net46) (>= netstandard13)
      runtime.native.System.Security.Cryptography.OpenSsl (>= 4.3) - restriction: && (< net46) (>= netstandard13)
      System.Collections (>= 4.3) - restriction: && (< net46) (>= netstandard13)
      System.Collections.Concurrent (>= 4.3) - restriction: && (< net46) (>= netstandard13)
      System.Linq (>= 4.3) - restriction: && (< net46) (>= netstandard13)
      System.Resources.ResourceManager (>= 4.3) - restriction: && (< net46) (>= netstandard13)
      System.Runtime (>= 4.3) - restriction: && (< net46) (>= netstandard13)
      System.Runtime.Extensions (>= 4.3) - restriction: && (< net46) (>= netstandard13)
      System.Runtime.Handles (>= 4.3) - restriction: && (< net46) (>= netstandard13)
      System.Runtime.InteropServices (>= 4.3) - restriction: && (< net46) (>= netstandard13)
      System.Security.Cryptography.Primitives (>= 4.3) - restriction: && (< net46) (>= netstandard13)
      System.Text.Encoding (>= 4.3) - restriction: && (< net46) (>= netstandard13)
    System.Security.Cryptography.OpenSsl (4.3) - restriction: || (&& (< net45) (>= netstandard16)) (&& (< net452) (>= netstandard16))
      runtime.native.System.Security.Cryptography.OpenSsl (>= 4.3) - restriction: || (>= netstandard16) (>= monoandroid) (>= monotouch) (>= xamarinios) (>= xamarinmac)
      System.Collections (>= 4.3) - restriction: && (< net463) (>= netstandard16)
      System.IO (>= 4.3) - restriction: >= netstandard16
      System.Resources.ResourceManager (>= 4.3) - restriction: && (< net463) (>= netstandard16)
      System.Runtime (>= 4.3) - restriction: >= netstandard16
      System.Runtime.Extensions (>= 4.3) - restriction: >= netstandard16
      System.Runtime.Handles (>= 4.3) - restriction: && (< net463) (>= netstandard16)
      System.Runtime.InteropServices (>= 4.3) - restriction: && (< net463) (>= netstandard16)
      System.Runtime.Numerics (>= 4.3) - restriction: && (< net463) (>= netstandard16)
      System.Security.Cryptography.Algorithms (>= 4.3) - restriction: >= netstandard16
      System.Security.Cryptography.Encoding (>= 4.3) - restriction: >= netstandard16
      System.Security.Cryptography.Primitives (>= 4.3) - restriction: >= netstandard16
      System.Text.Encoding (>= 4.3) - restriction: && (< net463) (>= netstandard16)
    System.Security.Cryptography.Primitives (4.3) - restriction: || (&& (< net45) (>= netstandard16)) (&& (< net452) (>= net461)) (&& (< net452) (>= netstandard14)) (&& (< net452) (>= netstandard16)) (&& (>= net46) (< netstandard14)) (&& (< net46) (>= netstandard14) (< netstandard16)) (&& (< net46) (>= netstandard16)) (&& (>= dnxcore50) (>= netstandard14)) (>= netstandard13)
      System.Diagnostics.Debug (>= 4.3) - restriction: && (< net46) (>= netstandard13)
      System.Globalization (>= 4.3) - restriction: && (< net46) (>= netstandard13)
      System.IO (>= 4.3) - restriction: && (< net46) (>= netstandard13)
      System.Resources.ResourceManager (>= 4.3) - restriction: && (< net46) (>= netstandard13)
      System.Runtime (>= 4.3) - restriction: && (< net46) (>= netstandard13)
      System.Threading (>= 4.3) - restriction: && (< net46) (>= netstandard13)
      System.Threading.Tasks (>= 4.3) - restriction: && (< net46) (>= netstandard13)
    System.Security.Cryptography.X509Certificates (4.3) - restriction: || (&& (< net45) (>= netstandard14) (< win8) (< wpa81)) (&& (< net45) (>= netstandard16)) (&& (>= net451) (>= dnxcore50)) (&& (< net451) (>= netstandard14)) (&& (>= net452) (>= dnxcore50)) (&& (< net452) (>= netstandard14)) (&& (>= dnxcore50) (>= netstandard14)) (>= netstandard13)
      Microsoft.NETCore.Platforms (>= 1.1) - restriction: || (&& (< net46) (>= netstandard16)) (>= dnxcore50)
      runtime.native.System (>= 4.3) - restriction: && (< net46) (>= netstandard16)
      runtime.native.System.Net.Http (>= 4.3) - restriction: && (< net46) (>= netstandard16)
      runtime.native.System.Security.Cryptography.OpenSsl (>= 4.3) - restriction: && (< net46) (>= netstandard16)
      System.Collections (>= 4.3) - restriction: || (&& (< net46) (>= netstandard16)) (>= dnxcore50)
      System.Diagnostics.Debug (>= 4.3) - restriction: && (< net46) (>= netstandard16)
      System.Globalization (>= 4.3) - restriction: || (&& (< net46) (>= netstandard16)) (>= dnxcore50)
      System.Globalization.Calendars (>= 4.3) - restriction: || (&& (< net46) (>= netstandard16)) (>= dnxcore50)
      System.IO (>= 4.3) - restriction: || (&& (< net46) (>= netstandard16)) (>= dnxcore50)
      System.IO.FileSystem (>= 4.3) - restriction: || (&& (< net46) (>= netstandard16)) (>= dnxcore50)
      System.IO.FileSystem.Primitives (>= 4.3) - restriction: && (< net46) (>= netstandard16)
      System.Resources.ResourceManager (>= 4.3) - restriction: || (&& (< net46) (>= netstandard16)) (>= dnxcore50)
      System.Runtime (>= 4.3) - restriction: || (&& (< net46) (>= netstandard13) (< netstandard14)) (&& (< net46) (>= netstandard14) (< netstandard16)) (&& (< net46) (>= netstandard16)) (>= dnxcore50)
      System.Runtime.Extensions (>= 4.3) - restriction: || (&& (< net46) (>= netstandard16)) (>= dnxcore50)
      System.Runtime.Handles (>= 4.3) - restriction: || (&& (< net46) (>= netstandard13) (< netstandard14)) (&& (< net46) (>= netstandard14) (< netstandard16)) (&& (< net46) (>= netstandard16)) (>= dnxcore50)
      System.Runtime.InteropServices (>= 4.3) - restriction: || (&& (< net46) (>= netstandard16)) (>= dnxcore50)
      System.Runtime.Numerics (>= 4.3) - restriction: || (&& (< net46) (>= netstandard16)) (>= dnxcore50)
      System.Security.Cryptography.Algorithms (>= 4.3) - restriction: || (&& (>= net46) (< netstandard14)) (&& (< net46) (>= netstandard13) (< netstandard14)) (&& (< net46) (>= netstandard14) (< netstandard16)) (&& (< net46) (>= netstandard16)) (>= net461) (>= dnxcore50)
      System.Security.Cryptography.Cng (>= 4.3) - restriction: || (&& (< net46) (>= netstandard16)) (>= dnxcore50)
      System.Security.Cryptography.Csp (>= 4.3) - restriction: && (< net46) (>= netstandard16)
      System.Security.Cryptography.Encoding (>= 4.3) - restriction: || (&& (>= net46) (< netstandard14)) (&& (< net46) (>= netstandard13) (< netstandard14)) (&& (< net46) (>= netstandard14) (< netstandard16)) (&& (< net46) (>= netstandard16)) (>= net461) (>= dnxcore50)
      System.Security.Cryptography.OpenSsl (>= 4.3) - restriction: && (< net46) (>= netstandard16)
      System.Security.Cryptography.Primitives (>= 4.3) - restriction: || (&& (< net46) (>= netstandard16)) (>= dnxcore50)
      System.Text.Encoding (>= 4.3) - restriction: || (&& (< net46) (>= netstandard16)) (>= dnxcore50)
      System.Threading (>= 4.3) - restriction: || (&& (< net46) (>= netstandard16)) (>= dnxcore50)
    System.Security.Principal (4.3) - restriction: || (&& (< net451) (>= netstandard13)) (&& (< net452) (>= netstandard14))
      System.Runtime (>= 4.3) - restriction: || (&& (< net45) (>= netstandard10) (< win8) (< wp8) (< wpa81)) (>= dnxcore50)
    System.Security.Principal.Windows (4.3) - restriction: || (&& (< net451) (>= net452) (>= netstandard13)) (&& (< net451) (>= netstandard14))
      Microsoft.NETCore.Platforms (>= 1.1) - restriction: && (< net46) (>= netstandard13)
      Microsoft.Win32.Primitives (>= 4.3) - restriction: && (< net46) (>= netstandard13)
      System.Collections (>= 4.3) - restriction: && (< net46) (>= netstandard13)
      System.Diagnostics.Debug (>= 4.3) - restriction: && (< net46) (>= netstandard13)
      System.Reflection (>= 4.3) - restriction: && (< net46) (>= netstandard13)
      System.Resources.ResourceManager (>= 4.3) - restriction: && (< net46) (>= netstandard13)
      System.Runtime (>= 4.3) - restriction: && (< net46) (>= netstandard13)
      System.Runtime.Extensions (>= 4.3) - restriction: && (< net46) (>= netstandard13)
      System.Runtime.Handles (>= 4.3) - restriction: && (< net46) (>= netstandard13)
      System.Runtime.InteropServices (>= 4.3) - restriction: && (< net46) (>= netstandard13)
      System.Security.Claims (>= 4.3) - restriction: >= netstandard13
      System.Security.Principal (>= 4.3) - restriction: && (< net46) (>= netstandard13)
      System.Text.Encoding (>= 4.3) - restriction: && (< net46) (>= netstandard13)
      System.Threading (>= 4.3) - restriction: && (< net46) (>= netstandard13)
    System.Text.Encoding (4.3) - restriction: || (&& (< net20) (>= net46)) (&& (< net20) (>= netstandard16)) (&& (< net45) (>= net452)) (&& (< net45) (>= netstandard14) (< win8) (< wpa81)) (&& (< net45) (>= netstandard15)) (&& (< net45) (>= netstandard16)) (>= net451) (&& (>= net452) (>= dnxcore50)) (&& (< net452) (>= netstandard14)) (&& (< net452) (>= netstandard16)) (&& (>= dnxcore50) (>= netstandard14)) (&& (>= dnxcore50) (>= netstandard16)) (>= netstandard13)
      Microsoft.NETCore.Platforms (>= 1.1) - restriction: || (&& (< net45) (>= netstandard10) (< netstandard13) (< win8) (< wp8) (< wpa81)) (&& (< net45) (>= netstandard13) (< win8) (< wpa81)) (>= dnxcore50)
      Microsoft.NETCore.Targets (>= 1.1) - restriction: || (&& (< net45) (>= netstandard10) (< netstandard13) (< win8) (< wp8) (< wpa81)) (&& (< net45) (>= netstandard13) (< win8) (< wpa81)) (>= dnxcore50)
      System.Runtime (>= 4.3) - restriction: || (&& (< net45) (>= netstandard10) (< netstandard13) (< win8) (< wp8) (< wpa81)) (&& (< net45) (>= netstandard13) (< win8) (< wpa81)) (>= dnxcore50)
    System.Text.Encoding.CodePages (4.3) - restriction: || (>= net46) (>= netstandard16)
      Microsoft.NETCore.Platforms (>= 1.1) - restriction: && (< net46) (>= netstandard13)
      System.Collections (>= 4.3) - restriction: && (< net46) (>= netstandard13)
      System.Globalization (>= 4.3) - restriction: && (< net46) (>= netstandard13)
      System.IO (>= 4.3) - restriction: && (< net46) (>= netstandard13)
      System.Reflection (>= 4.3) - restriction: && (< net46) (>= netstandard13)
      System.Resources.ResourceManager (>= 4.3) - restriction: && (< net46) (>= netstandard13)
      System.Runtime (>= 4.3) - restriction: && (< net46) (>= netstandard13)
      System.Runtime.Extensions (>= 4.3) - restriction: && (< net46) (>= netstandard13)
      System.Runtime.Handles (>= 4.3) - restriction: && (< net46) (>= netstandard13)
      System.Runtime.InteropServices (>= 4.3) - restriction: && (< net46) (>= netstandard13)
      System.Text.Encoding (>= 4.3) - restriction: && (< net46) (>= netstandard13)
      System.Threading (>= 4.3) - restriction: && (< net46) (>= netstandard13)
    System.Text.Encoding.Extensions (4.3) - restriction: || (&& (< net45) (>= netstandard14) (< win8) (< wpa81)) (>= net451) (&& (< net452) (>= netstandard14)) (&& (>= dnxcore50) (>= netstandard14)) (>= netstandard13)
      Microsoft.NETCore.Platforms (>= 1.1) - restriction: || (&& (< net45) (>= netstandard10) (< netstandard13) (< win8) (< wp8) (< wpa81)) (&& (< net45) (>= netstandard13) (< win8) (< wpa81)) (>= dnxcore50)
      Microsoft.NETCore.Targets (>= 1.1) - restriction: || (&& (< net45) (>= netstandard10) (< netstandard13) (< win8) (< wp8) (< wpa81)) (&& (< net45) (>= netstandard13) (< win8) (< wpa81)) (>= dnxcore50)
      System.Runtime (>= 4.3) - restriction: || (&& (< net45) (>= netstandard10) (< netstandard13) (< win8) (< wp8) (< wpa81)) (&& (< net45) (>= netstandard13) (< win8) (< wpa81)) (>= dnxcore50)
      System.Text.Encoding (>= 4.3) - restriction: || (&& (< net45) (>= netstandard10) (< netstandard13) (< win8) (< wp8) (< wpa81)) (&& (< net45) (>= netstandard13) (< win8) (< wpa81)) (>= dnxcore50)
    System.Text.Encodings.Web (4.3.1) - restriction: || (>= net451) (>= netstandard13)
      System.Diagnostics.Debug (>= 4.3) - restriction: && (< net45) (>= netstandard10) (< win8) (< wp8) (< wpa81)
      System.IO (>= 4.3) - restriction: && (< net45) (>= netstandard10) (< win8) (< wp8) (< wpa81)
      System.Reflection (>= 4.3) - restriction: && (< net45) (>= netstandard10) (< win8) (< wp8) (< wpa81)
      System.Resources.ResourceManager (>= 4.3) - restriction: && (< net45) (>= netstandard10) (< win8) (< wp8) (< wpa81)
      System.Runtime (>= 4.3) - restriction: && (< net45) (>= netstandard10) (< win8) (< wp8) (< wpa81)
      System.Runtime.Extensions (>= 4.3) - restriction: && (< net45) (>= netstandard10) (< win8) (< wp8) (< wpa81)
      System.Threading (>= 4.3) - restriction: && (< net45) (>= netstandard10) (< win8) (< wp8) (< wpa81)
    System.Text.RegularExpressions (4.3) - restriction: || (&& (< net45) (>= net46)) (&& (< net45) (>= netstandard14) (< win8) (< wpa81)) (&& (< net45) (>= netstandard16)) (>= net451) (&& (< net452) (>= netstandard14)) (&& (>= net46) (>= dnxcore50)) (&& (>= dnxcore50) (>= netstandard14)) (&& (>= dnxcore50) (>= netstandard16)) (>= netstandard13)
      System.Collections (>= 4.3) - restriction: || (&& (< net45) (>= netstandard16) (< netcore11)) (>= dnxcore50)
      System.Globalization (>= 4.3) - restriction: || (&& (< net45) (>= netstandard16) (< netcore11)) (>= dnxcore50)
      System.Resources.ResourceManager (>= 4.3) - restriction: || (&& (< net45) (>= netstandard16) (< netcore11)) (>= dnxcore50)
      System.Runtime (>= 4.3) - restriction: || (&& (< net45) (>= netstandard10) (< netstandard13) (< win8) (< wp8) (< wpa81)) (&& (< net45) (>= netstandard13) (< netstandard16) (< win8) (< wpa81)) (&& (< net45) (>= netstandard16)) (>= dnxcore50) (>= netcore11)
      System.Runtime.Extensions (>= 4.3) - restriction: || (&& (< net45) (>= netstandard16) (< netcore11)) (>= dnxcore50)
      System.Threading (>= 4.3) - restriction: || (&& (< net45) (>= netstandard16) (< netcore11)) (>= dnxcore50)
    System.Threading (4.3) - restriction: || (&& (< net20) (>= net46)) (&& (< net20) (>= netstandard14) (< win8) (< wpa81)) (&& (< net20) (>= netstandard16)) (&& (< net45) (>= net452)) (&& (< net45) (>= net46)) (&& (< net45) (>= netstandard14) (< win8) (< wpa81)) (&& (< net45) (>= netstandard15)) (&& (< net45) (>= netstandard16)) (>= net451) (&& (>= net452) (>= dnxcore50)) (&& (< net452) (>= netstandard14)) (&& (< net452) (>= netstandard16)) (&& (>= net46) (>= dnxcore50)) (&& (>= dnxcore50) (>= netstandard14)) (&& (>= dnxcore50) (>= netstandard16)) (>= netstandard13)
      System.Runtime (>= 4.3) - restriction: || (&& (< net45) (>= netstandard10) (< netstandard13) (< win8) (< wp8) (< wpa81)) (&& (< net45) (>= netstandard13) (< win8) (< wpa81)) (>= dnxcore50)
      System.Threading.Tasks (>= 4.3) - restriction: || (&& (< net45) (>= netstandard10) (< netstandard13) (< win8) (< wp8) (< wpa81)) (&& (< net45) (>= netstandard13) (< win8) (< wpa81)) (>= dnxcore50)
    System.Threading.Overlapped (4.3) - restriction: && (< net451) (>= netstandard13)
      Microsoft.NETCore.Platforms (>= 1.1) - restriction: || (&& (< net46) (>= netstandard13)) (>= dnxcore50)
      System.Resources.ResourceManager (>= 4.3) - restriction: || (&& (< net46) (>= netstandard13)) (>= dnxcore50)
      System.Runtime (>= 4.3) - restriction: || (&& (< net46) (>= netstandard13)) (>= dnxcore50)
      System.Runtime.Handles (>= 4.3) - restriction: || (&& (< net46) (>= netstandard13)) (>= dnxcore50)
    System.Threading.Tasks (4.3) - restriction: || (&& (< net45) (>= net452)) (&& (< net45) (>= netstandard14) (< win8) (< wpa81)) (&& (< net45) (>= netstandard15)) (&& (< net45) (>= netstandard16)) (>= net451) (&& (>= net452) (>= dnxcore50)) (&& (< net452) (>= netstandard14)) (&& (>= dnxcore50) (>= netstandard14)) (&& (>= dnxcore50) (>= netstandard16)) (>= netstandard13)
      Microsoft.NETCore.Platforms (>= 1.1) - restriction: || (&& (< net45) (>= netstandard10) (< netstandard13) (< win8) (< wp8) (< wpa81)) (&& (< net45) (>= netstandard13) (< win8) (< wpa81)) (>= dnxcore50)
      Microsoft.NETCore.Targets (>= 1.1) - restriction: || (&& (< net45) (>= netstandard10) (< netstandard13) (< win8) (< wp8) (< wpa81)) (&& (< net45) (>= netstandard13) (< win8) (< wpa81)) (>= dnxcore50)
      System.Runtime (>= 4.3) - restriction: || (&& (< net45) (>= netstandard10) (< netstandard13) (< win8) (< wp8) (< wpa81)) (&& (< net45) (>= netstandard13) (< win8) (< wpa81)) (>= dnxcore50)
    System.Threading.Tasks.Extensions (4.3) - restriction: || (&& (< net45) (>= netstandard14) (< win8) (< wpa81)) (>= net451) (&& (>= dnxcore50) (>= netstandard14)) (>= netstandard13)
      System.Collections (>= 4.3) - restriction: && (< net45) (>= netstandard10) (< win8) (< wp8) (< wpa81)
      System.Runtime (>= 4.3) - restriction: && (< net45) (>= netstandard10) (< win8) (< wp8) (< wpa81)
      System.Threading.Tasks (>= 4.3) - restriction: && (< net45) (>= netstandard10) (< win8) (< wp8) (< wpa81)
    System.Threading.Tasks.Parallel (4.3) - restriction: || (>= net46) (>= netstandard16)
      System.Collections.Concurrent (>= 4.3) - restriction: || (&& (< net45) (>= netstandard11) (< netstandard13) (< win8) (< wpa81)) (&& (< net45) (>= netstandard13) (< win8) (< wpa81)) (>= dnxcore50)
      System.Diagnostics.Debug (>= 4.3) - restriction: || (&& (< net45) (>= netstandard13) (< win8) (< wpa81)) (>= dnxcore50)
      System.Diagnostics.Tracing (>= 4.3) - restriction: || (&& (< net45) (>= netstandard13) (< win8) (< wpa81)) (>= dnxcore50)
      System.Resources.ResourceManager (>= 4.3) - restriction: || (&& (< net45) (>= netstandard13) (< win8) (< wpa81)) (>= dnxcore50)
      System.Runtime (>= 4.3) - restriction: || (&& (< net45) (>= netstandard11) (< netstandard13) (< win8) (< wpa81)) (&& (< net45) (>= netstandard13) (< win8) (< wpa81)) (>= dnxcore50)
      System.Runtime.Extensions (>= 4.3) - restriction: || (&& (< net45) (>= netstandard13) (< win8) (< wpa81)) (>= dnxcore50)
      System.Threading (>= 4.3) - restriction: || (&& (< net45) (>= netstandard13) (< win8) (< wpa81)) (>= dnxcore50)
      System.Threading.Tasks (>= 4.3) - restriction: || (&& (< net45) (>= netstandard11) (< netstandard13) (< win8) (< wpa81)) (&& (< net45) (>= netstandard13) (< win8) (< wpa81)) (>= dnxcore50)
    System.Threading.Thread (4.3) - restriction: || (&& (< net451) (>= netstandard13)) (&& (< net452) (>= netstandard14)) (>= net46) (>= netstandard16)
      System.Runtime (>= 4.3) - restriction: && (< net46) (>= netstandard13)
    System.Threading.ThreadPool (4.3) - restriction: || (&& (< net451) (>= netstandard13)) (&& (< net452) (>= netstandard14)) (>= netstandard16)
      System.Runtime (>= 4.3) - restriction: && (< net46) (>= netstandard13)
      System.Runtime.Handles (>= 4.3) - restriction: && (< net46) (>= netstandard13)
    System.Threading.Timer (4.3) - restriction: || (>= net451) (&& (< net452) (>= netstandard14)) (>= netstandard13)
      Microsoft.NETCore.Platforms (>= 1.1) - restriction: || (&& (< net451) (>= netstandard12) (< win81) (< wpa81)) (>= dnxcore50)
      Microsoft.NETCore.Targets (>= 1.1) - restriction: || (&& (< net451) (>= netstandard12) (< win81) (< wpa81)) (>= dnxcore50)
      System.Runtime (>= 4.3) - restriction: || (&& (< net451) (>= netstandard12) (< win81) (< wpa81)) (>= dnxcore50)
    System.ValueTuple (4.3.1) - restriction: || (>= net452) (>= netstandard14)
      System.Collections (>= 4.3) - restriction: && (< net45) (>= netstandard10) (< win8) (< wp8) (< wpa81)
      System.Resources.ResourceManager (>= 4.3) - restriction: && (< net45) (>= netstandard10) (< win8) (< wp8) (< wpa81)
      System.Runtime (>= 4.3) - restriction: && (< net45) (>= netstandard10) (< win8) (< wp8) (< wpa81)
    System.Xml.ReaderWriter (4.3) - restriction: || (&& (< net20) (>= net46)) (&& (< net20) (>= netstandard16)) (&& (< net45) (>= net46)) (&& (< net45) (>= netstandard14) (< win8) (< wpa81)) (&& (< net45) (>= netstandard16)) (>= net451) (&& (< net452) (>= netstandard14)) (&& (>= net46) (>= dnxcore50)) (&& (>= dnxcore50) (>= netstandard14)) (&& (>= dnxcore50) (>= netstandard16)) (>= netstandard13)
      System.Collections (>= 4.3) - restriction: || (&& (< net45) (>= netstandard13) (< win8) (< wpa81)) (>= dnxcore50)
      System.Diagnostics.Debug (>= 4.3) - restriction: || (&& (< net45) (>= netstandard13) (< win8) (< wpa81)) (>= dnxcore50)
      System.Globalization (>= 4.3) - restriction: || (&& (< net45) (>= netstandard13) (< win8) (< wpa81)) (>= dnxcore50)
      System.IO (>= 4.3) - restriction: || (&& (< net45) (>= netstandard10) (< netstandard13) (< win8) (< wp8) (< wpa81)) (&& (< net45) (>= netstandard13) (< win8) (< wpa81)) (>= dnxcore50)
      System.IO.FileSystem (>= 4.3) - restriction: || (&& (< net45) (>= netstandard13) (< win8) (< wpa81)) (>= dnxcore50)
      System.IO.FileSystem.Primitives (>= 4.3) - restriction: || (&& (< net45) (>= netstandard13) (< win8) (< wpa81)) (>= dnxcore50)
      System.Resources.ResourceManager (>= 4.3) - restriction: || (&& (< net45) (>= netstandard13) (< win8) (< wpa81)) (>= dnxcore50)
      System.Runtime (>= 4.3) - restriction: || (&& (< net45) (>= netstandard10) (< netstandard13) (< win8) (< wp8) (< wpa81)) (&& (< net45) (>= netstandard13) (< win8) (< wpa81)) (>= dnxcore50)
      System.Runtime.Extensions (>= 4.3) - restriction: || (&& (< net45) (>= netstandard13) (< win8) (< wpa81)) (>= dnxcore50)
      System.Runtime.InteropServices (>= 4.3) - restriction: || (&& (< net45) (>= netstandard13) (< win8) (< wpa81)) (>= dnxcore50)
      System.Text.Encoding (>= 4.3) - restriction: || (&& (< net45) (>= netstandard10) (< netstandard13) (< win8) (< wp8) (< wpa81)) (&& (< net45) (>= netstandard13) (< win8) (< wpa81)) (>= dnxcore50)
      System.Text.Encoding.Extensions (>= 4.3) - restriction: || (&& (< net45) (>= netstandard13) (< win8) (< wpa81)) (>= dnxcore50)
      System.Text.RegularExpressions (>= 4.3) - restriction: || (&& (< net45) (>= netstandard13) (< win8) (< wpa81)) (>= dnxcore50)
      System.Threading.Tasks (>= 4.3) - restriction: || (&& (< net45) (>= netstandard10) (< netstandard13) (< win8) (< wp8) (< wpa81)) (&& (< net45) (>= netstandard13) (< win8) (< wpa81)) (>= dnxcore50)
      System.Threading.Tasks.Extensions (>= 4.3) - restriction: || (&& (< net45) (>= netstandard13) (< win8) (< wpa81)) (>= dnxcore50)
    System.Xml.XDocument (4.3) - restriction: || (>= net451) (&& (< net452) (>= netstandard14)) (&& (< net46) (>= netstandard16)) (>= netstandard13)
      System.Collections (>= 4.3) - restriction: || (&& (< net45) (>= netstandard13) (< win8) (< wpa81)) (>= dnxcore50)
      System.Diagnostics.Debug (>= 4.3) - restriction: || (&& (< net45) (>= netstandard13) (< win8) (< wpa81)) (>= dnxcore50)
      System.Diagnostics.Tools (>= 4.3) - restriction: || (&& (< net45) (>= netstandard13) (< win8) (< wpa81)) (>= dnxcore50)
      System.Globalization (>= 4.3) - restriction: || (&& (< net45) (>= netstandard13) (< win8) (< wpa81)) (>= dnxcore50)
      System.IO (>= 4.3) - restriction: || (&& (< net45) (>= netstandard10) (< netstandard13) (< win8) (< wp8) (< wpa81)) (&& (< net45) (>= netstandard13) (< win8) (< wpa81)) (>= dnxcore50)
      System.Reflection (>= 4.3) - restriction: || (&& (< net45) (>= netstandard13) (< win8) (< wpa81)) (>= dnxcore50)
      System.Resources.ResourceManager (>= 4.3) - restriction: || (&& (< net45) (>= netstandard13) (< win8) (< wpa81)) (>= dnxcore50)
      System.Runtime (>= 4.3) - restriction: || (&& (< net45) (>= netstandard10) (< netstandard13) (< win8) (< wp8) (< wpa81)) (&& (< net45) (>= netstandard13) (< win8) (< wpa81)) (>= dnxcore50)
      System.Runtime.Extensions (>= 4.3) - restriction: || (&& (< net45) (>= netstandard13) (< win8) (< wpa81)) (>= dnxcore50)
      System.Text.Encoding (>= 4.3) - restriction: || (&& (< net45) (>= netstandard13) (< win8) (< wpa81)) (>= dnxcore50)
      System.Threading (>= 4.3) - restriction: || (&& (< net45) (>= netstandard13) (< win8) (< wpa81)) (>= dnxcore50)
      System.Xml.ReaderWriter (>= 4.3) - restriction: || (&& (< net45) (>= netstandard10) (< netstandard13) (< win8) (< wp8) (< wpa81)) (&& (< net45) (>= netstandard13) (< win8) (< wpa81)) (>= dnxcore50)
    System.Xml.XmlDocument (4.3) - restriction: || (&& (< net20) (>= net452) (>= netstandard13)) (&& (< net20) (>= netstandard14)) (>= net46) (>= netstandard16)
      System.Collections (>= 4.3) - restriction: && (< net46) (>= netstandard13)
      System.Diagnostics.Debug (>= 4.3) - restriction: && (< net46) (>= netstandard13)
      System.Globalization (>= 4.3) - restriction: && (< net46) (>= netstandard13)
      System.IO (>= 4.3) - restriction: && (< net46) (>= netstandard13)
      System.Resources.ResourceManager (>= 4.3) - restriction: && (< net46) (>= netstandard13)
      System.Runtime (>= 4.3) - restriction: && (< net46) (>= netstandard13)
      System.Runtime.Extensions (>= 4.3) - restriction: && (< net46) (>= netstandard13)
      System.Text.Encoding (>= 4.3) - restriction: && (< net46) (>= netstandard13)
      System.Threading (>= 4.3) - restriction: && (< net46) (>= netstandard13)
      System.Xml.ReaderWriter (>= 4.3) - restriction: && (< net46) (>= netstandard13)
    System.Xml.XmlSerializer (4.3) - restriction: || (>= net46) (>= netstandard16)
      System.Collections (>= 4.3) - restriction: || (&& (< net45) (>= netstandard13) (< win8) (< wpa81)) (>= dnxcore50)
      System.Globalization (>= 4.3) - restriction: || (&& (< net45) (>= netstandard13) (< win8) (< wpa81)) (>= dnxcore50)
      System.IO (>= 4.3) - restriction: || (&& (< net45) (>= netstandard10) (< netstandard13) (< win8) (< wp8) (< wpa81)) (&& (< net45) (>= netstandard13) (< win8) (< wpa81)) (>= dnxcore50)
      System.Linq (>= 4.3) - restriction: || (&& (< net45) (>= netstandard13) (< win8) (< wpa81)) (>= dnxcore50)
      System.Reflection (>= 4.3) - restriction: || (&& (< net45) (>= netstandard13) (< win8) (< wpa81)) (>= dnxcore50)
      System.Reflection.Emit (>= 4.3) - restriction: || (&& (< net45) (>= netstandard13) (< win8) (< wpa81)) (>= dnxcore50)
      System.Reflection.Emit.ILGeneration (>= 4.3) - restriction: || (&& (< net45) (>= netstandard13) (< win8) (< wpa81)) (>= dnxcore50)
      System.Reflection.Extensions (>= 4.3) - restriction: || (&& (< net45) (>= netstandard13) (< win8) (< wpa81)) (>= dnxcore50)
      System.Reflection.Primitives (>= 4.3) - restriction: || (&& (< net45) (>= netstandard13) (< win8) (< wpa81)) (>= dnxcore50)
      System.Reflection.TypeExtensions (>= 4.3) - restriction: || (&& (< net45) (>= netstandard13) (< win8) (< wpa81)) (>= dnxcore50)
      System.Resources.ResourceManager (>= 4.3) - restriction: || (&& (< net45) (>= netstandard13) (< win8) (< wpa81)) (>= dnxcore50)
      System.Runtime (>= 4.3) - restriction: || (&& (< net45) (>= netstandard10) (< netstandard13) (< win8) (< wp8) (< wpa81)) (&& (< net45) (>= netstandard13) (< win8) (< wpa81)) (>= dnxcore50)
      System.Runtime.Extensions (>= 4.3) - restriction: || (&& (< net45) (>= netstandard13) (< win8) (< wpa81)) (>= dnxcore50)
      System.Text.RegularExpressions (>= 4.3) - restriction: || (&& (< net45) (>= netstandard13) (< win8) (< wpa81)) (>= dnxcore50)
      System.Threading (>= 4.3) - restriction: || (&& (< net45) (>= netstandard13) (< win8) (< wpa81)) (>= dnxcore50)
      System.Xml.ReaderWriter (>= 4.3) - restriction: || (&& (< net45) (>= netstandard10) (< netstandard13) (< win8) (< wp8) (< wpa81)) (&& (< net45) (>= netstandard13) (< win8) (< wpa81)) (>= dnxcore50)
      System.Xml.XmlDocument (>= 4.3) - restriction: || (&& (< net45) (>= netstandard13) (< win8) (< wpa81)) (>= dnxcore50)
    System.Xml.XPath (4.3) - restriction: || (>= net46) (>= netstandard16)
      System.Collections (>= 4.3) - restriction: && (< net46) (>= netstandard13)
      System.Diagnostics.Debug (>= 4.3) - restriction: && (< net46) (>= netstandard13)
      System.Globalization (>= 4.3) - restriction: && (< net46) (>= netstandard13)
      System.IO (>= 4.3) - restriction: && (< net46) (>= netstandard13)
      System.Resources.ResourceManager (>= 4.3) - restriction: && (< net46) (>= netstandard13)
      System.Runtime (>= 4.3) - restriction: && (< net46) (>= netstandard13)
      System.Runtime.Extensions (>= 4.3) - restriction: && (< net46) (>= netstandard13)
      System.Threading (>= 4.3) - restriction: && (< net46) (>= netstandard13)
      System.Xml.ReaderWriter (>= 4.3) - restriction: && (< net46) (>= netstandard13)
    System.Xml.XPath.XDocument (4.3) - restriction: || (>= net46) (>= netstandard16)
      System.Diagnostics.Debug (>= 4.3) - restriction: && (< net46) (>= netstandard13)
      System.Linq (>= 4.3) - restriction: && (< net46) (>= netstandard13)
      System.Resources.ResourceManager (>= 4.3) - restriction: && (< net46) (>= netstandard13)
      System.Runtime (>= 4.3) - restriction: && (< net46) (>= netstandard13)
      System.Runtime.Extensions (>= 4.3) - restriction: && (< net46) (>= netstandard13)
      System.Threading (>= 4.3) - restriction: && (< net46) (>= netstandard13)
      System.Xml.ReaderWriter (>= 4.3) - restriction: && (< net46) (>= netstandard13)
      System.Xml.XDocument (>= 4.3) - restriction: && (< net46) (>= netstandard13)
      System.Xml.XPath (>= 4.3) - restriction: >= netstandard13

GROUP Build
NUGET
  remote: https://www.nuget.org/api/v2
    FAKE (4.60)
